NUGET
  remote: http://nuget.org/api/v2
  specs:
    CommandLineParser (1.9.71)
    FAKE (3.5.8)
    FSharp.Compiler.Service (0.0.62)
    Microsoft.AspNet.Razor (2.0.30506.0)
    NuGet.CommandLine (2.8.2)
    NUnit (2.6.3)
    NUnit.Runners (2.6.3)
    RazorEngine.N (3.5.0)
      Microsoft.AspNet.Razor (2.0.30506.0)
      Microsoft.AspNet.Razor (>= 3.2.2.0)
