REDIRECTS: ON
NUGET
  remote: https://api.nuget.org/v3/index.json
    Argu (3.7)
      FSharp.Core (>= 4.0.1.7-alpha) - restriction: >= netstandard16
      NETStandard.Library (>= 1.6) - restriction: >= netstandard16
      System.Xml.XDocument (>= 4.0.11) - restriction: >= netstandard16
    CommandLineParser (1.9.71)
    FSharp.Compiler.Service (12.0.5) - content: none
      FSharp.Core (>= 4.1.2) - restriction: >= netstandard16
      Microsoft.DiaSymReader (>= 1.1) - restriction: >= netstandard16
      Microsoft.DiaSymReader.PortablePdb (>= 1.2) - restriction: >= netstandard16
      Microsoft.NETCore.Platforms (>= 1.1) - restriction: >= netstandard16
      Microsoft.NETCore.Targets (>= 1.1) - restriction: >= netstandard16
      NETStandard.Library (>= 1.6.1) - restriction: >= netstandard16
      runtime.native.System (>= 4.3) - restriction: >= netstandard16
      runtime.native.System.IO.Compression (>= 4.3) - restriction: >= netstandard16
      System.Buffers (>= 4.3) - restriction: >= netstandard16
      System.Collections (>= 4.3) - restriction: >= netstandard16
      System.Collections.Immutable (>= 1.3) - restriction: >= netstandard16
      System.Collections.Immutable (>= 1.3.1) - restriction: || (== netstandard10) (== netstandard11) (== netstandard12) (== netstandard13) (== netstandard14) (== netstandard15) (>= net10)
      System.Diagnostics.Debug (>= 4.3) - restriction: >= netstandard16
      System.Diagnostics.Process (>= 4.1) - restriction: >= netstandard16
      System.Diagnostics.TraceSource (>= 4.0) - restriction: >= netstandard16
      System.Diagnostics.Tracing (>= 4.3) - restriction: >= netstandard16
      System.Globalization (>= 4.3) - restriction: >= netstandard16
      System.IO (>= 4.3) - restriction: >= netstandard16
      System.IO.Compression (>= 4.3) - restriction: >= netstandard16
      System.Linq (>= 4.3) - restriction: >= netstandard16
      System.Reflection (>= 4.3) - restriction: >= netstandard16
      System.Reflection.Emit (>= 4.3) - restriction: >= netstandard16
      System.Reflection.Extensions (>= 4.3) - restriction: >= netstandard16
      System.Reflection.Metadata (>= 1.4.1) - restriction: >= netstandard16
      System.Reflection.Metadata (>= 1.4.2) - restriction: || (== netstandard10) (== netstandard11) (== netstandard12) (== netstandard13) (== netstandard14) (== netstandard15) (>= net10)
      System.Reflection.Primitives (>= 4.3) - restriction: >= netstandard16
      System.Reflection.TypeExtensions (>= 4.3) - restriction: >= netstandard16
      System.Resources.ResourceManager (>= 4.3) - restriction: >= netstandard16
      System.Runtime (>= 4.3) - restriction: >= netstandard16
      System.Runtime.Extensions (>= 4.3) - restriction: >= netstandard16
      System.Runtime.Handles (>= 4.3) - restriction: >= netstandard16
      System.Runtime.InteropServices (>= 4.3) - restriction: >= netstandard16
      System.Runtime.Loader (>= 4.0) - restriction: >= netstandard16
      System.Security.Cryptography.Algorithms (>= 4.3) - restriction: >= netstandard16
      System.Text.Encoding (>= 4.3) - restriction: >= netstandard16
      System.Text.Encoding.Extensions (>= 4.3) - restriction: >= netstandard16
      System.Threading (>= 4.3) - restriction: >= netstandard16
      System.Threading.Tasks (>= 4.3) - restriction: >= netstandard16
    FSharp.Core (4.1.12) - content: none, redirects: force
      System.Collections (>= 4.0.11) - restriction: >= netstandard16
      System.Console (>= 4.0) - restriction: >= netstandard16
      System.Diagnostics.Debug (>= 4.0.11) - restriction: >= netstandard16
      System.Diagnostics.Tools (>= 4.0.1) - restriction: >= netstandard16
      System.Globalization (>= 4.0.11) - restriction: >= netstandard16
      System.IO (>= 4.1) - restriction: >= netstandard16
      System.Linq (>= 4.1) - restriction: >= netstandard16
      System.Linq.Expressions (>= 4.1) - restriction: >= netstandard16
      System.Linq.Queryable (>= 4.0.1) - restriction: >= netstandard16
      System.Net.Requests (>= 4.0.11) - restriction: >= netstandard16
      System.Reflection (>= 4.1) - restriction: >= netstandard16
      System.Reflection.Extensions (>= 4.0.1) - restriction: >= netstandard16
      System.Resources.ResourceManager (>= 4.0.1) - restriction: >= netstandard16
      System.Runtime (>= 4.1) - restriction: >= netstandard16
      System.Runtime.Extensions (>= 4.1) - restriction: >= netstandard16
      System.Runtime.Numerics (>= 4.0.1) - restriction: >= netstandard16
      System.Text.RegularExpressions (>= 4.1) - restriction: >= netstandard16
      System.Threading (>= 4.0.11) - restriction: >= netstandard16
      System.Threading.Tasks (>= 4.0.11) - restriction: >= netstandard16
      System.Threading.Tasks.Parallel (>= 4.0.1) - restriction: >= netstandard16
      System.Threading.Thread (>= 4.0) - restriction: >= netstandard16
      System.Threading.ThreadPool (>= 4.0.10) - restriction: >= netstandard16
      System.Threading.Timer (>= 4.0.1) - restriction: >= netstandard16
      System.ValueTuple (>= 4.3) - restriction: || (== netstandard10) (== netstandard11) (== netstandard12) (== netstandard13) (== netstandard14) (== netstandard15) (>= net10)
    FSharp.Data (2.3.3)
      Zlib.Portable (>= 1.11) - restriction: || (>= portable-net45+win8+sl5) (>= portable-net45+win8+wp8+wpa81)
    ILRepack (2.0.13)
    Microsoft.AspNet.Razor (3.2.3)
    Microsoft.DiaSymReader (1.1) - content: none, restriction: >= netstandard16
      System.Diagnostics.Debug (>= 4.0.11) - restriction: >= netstandard11
      System.Runtime (>= 4.1) - restriction: >= netstandard11
      System.Runtime.InteropServices (>= 4.1) - restriction: >= netstandard11
    Microsoft.DiaSymReader.PortablePdb (1.2) - content: none, restriction: >= netstandard16
      Microsoft.DiaSymReader (>= 1.1) - restriction: >= portable-net45+win8
      System.Collections (>= 4.3) - restriction: >= netstandard11
      System.Collections.Immutable (>= 1.3.1) - restriction: >= portable-net45+win8
      System.Diagnostics.Debug (>= 4.3) - restriction: >= netstandard11
      System.Globalization (>= 4.3) - restriction: >= netstandard11
      System.IO (>= 4.3) - restriction: >= netstandard11
      System.Linq (>= 4.3) - restriction: >= netstandard11
      System.Reflection (>= 4.3) - restriction: >= netstandard11
      System.Reflection.Metadata (>= 1.4.2) - restriction: >= portable-net45+win8
      System.Reflection.Primitives (>= 4.3) - restriction: >= netstandard11
      System.Runtime (>= 4.3) - restriction: >= netstandard11
      System.Runtime.Extensions (>= 4.3) - restriction: >= netstandard11
      System.Runtime.InteropServices (>= 4.3) - restriction: >= netstandard11
      System.Text.Encoding (>= 4.3) - restriction: >= netstandard11
      System.Threading (>= 4.3) - restriction: >= netstandard11
    Microsoft.NETCore.Platforms (1.1) - content: none, restriction: || (>= net10) (>= netstandard10)
    Microsoft.NETCore.Targets (1.1) - content: none, restriction: || (>= net10) (>= netstandard10)
    Microsoft.Win32.Primitives (4.3) - restriction: >= netstandard16
      Microsoft.NETCore.Platforms (>= 1.1) - restriction: >= netstandard13
      Microsoft.NETCore.Targets (>= 1.1) - restriction: >= netstandard13
      System.Runtime (>= 4.3) - restriction: >= netstandard13
    Microsoft.Win32.Registry (4.3) - content: none, restriction: >= netstandard16
      Microsoft.NETCore.Platforms (>= 1.1) - restriction: >= netstandard13
      System.Collections (>= 4.3) - restriction: >= netstandard13
      System.Globalization (>= 4.3) - restriction: >= netstandard13
      System.Resources.ResourceManager (>= 4.3) - restriction: >= netstandard13
      System.Runtime (>= 4.3) - restriction: >= netstandard13
      System.Runtime.Extensions (>= 4.3) - restriction: >= netstandard13
      System.Runtime.Handles (>= 4.3) - restriction: >= netstandard13
      System.Runtime.InteropServices (>= 4.3) - restriction: >= netstandard13
    NETStandard.Library (1.6.1) - content: none, restriction: >= netstandard16
      Microsoft.NETCore.Platforms (>= 1.1) - restriction: >= netstandard10
      Microsoft.Win32.Primitives (>= 4.3) - restriction: >= netstandard13
      System.AppContext (>= 4.3) - restriction: >= netstandard13
      System.Collections (>= 4.3) - restriction: >= netstandard10
      System.Collections.Concurrent (>= 4.3) - restriction: >= netstandard11
      System.Console (>= 4.3) - restriction: >= netstandard13
      System.Diagnostics.Debug (>= 4.3) - restriction: >= netstandard10
      System.Diagnostics.Tools (>= 4.3) - restriction: >= netstandard10
      System.Diagnostics.Tracing (>= 4.3) - restriction: >= netstandard11
      System.Globalization (>= 4.3) - restriction: >= netstandard10
      System.Globalization.Calendars (>= 4.3) - restriction: >= netstandard13
      System.IO (>= 4.3) - restriction: >= netstandard10
      System.IO.Compression (>= 4.3) - restriction: >= netstandard11
      System.IO.Compression.ZipFile (>= 4.3) - restriction: >= netstandard13
      System.IO.FileSystem (>= 4.3) - restriction: >= netstandard13
      System.IO.FileSystem.Primitives (>= 4.3) - restriction: >= netstandard13
      System.Linq (>= 4.3) - restriction: >= netstandard10
      System.Linq.Expressions (>= 4.3) - restriction: >= netstandard10
      System.Net.Http (>= 4.3) - restriction: >= netstandard11
      System.Net.Primitives (>= 4.3) - restriction: >= netstandard10
      System.Net.Sockets (>= 4.3) - restriction: >= netstandard13
      System.ObjectModel (>= 4.3) - restriction: >= netstandard10
      System.Reflection (>= 4.3) - restriction: >= netstandard10
      System.Reflection.Extensions (>= 4.3) - restriction: >= netstandard10
      System.Reflection.Primitives (>= 4.3) - restriction: >= netstandard10
      System.Resources.ResourceManager (>= 4.3) - restriction: >= netstandard10
      System.Runtime (>= 4.3) - restriction: >= netstandard10
      System.Runtime.Extensions (>= 4.3) - restriction: >= netstandard10
      System.Runtime.Handles (>= 4.3) - restriction: >= netstandard13
      System.Runtime.InteropServices (>= 4.3) - restriction: >= netstandard11
      System.Runtime.InteropServices.RuntimeInformation (>= 4.3) - restriction: >= netstandard11
      System.Runtime.Numerics (>= 4.3) - restriction: >= netstandard11
      System.Security.Cryptography.Algorithms (>= 4.3) - restriction: >= netstandard13
      System.Security.Cryptography.Encoding (>= 4.3) - restriction: >= netstandard13
      System.Security.Cryptography.Primitives (>= 4.3) - restriction: >= netstandard13
      System.Security.Cryptography.X509Certificates (>= 4.3) - restriction: >= netstandard13
      System.Text.Encoding (>= 4.3) - restriction: >= netstandard10
      System.Text.Encoding.Extensions (>= 4.3) - restriction: >= netstandard10
      System.Text.RegularExpressions (>= 4.3) - restriction: >= netstandard10
      System.Threading (>= 4.3) - restriction: >= netstandard10
      System.Threading.Tasks (>= 4.3) - restriction: >= netstandard10
      System.Threading.Timer (>= 4.3) - restriction: >= netstandard12
      System.Xml.ReaderWriter (>= 4.3) - restriction: >= netstandard10
      System.Xml.XDocument (>= 4.3) - restriction: >= netstandard10
    RazorEngine (3.9.3) - restriction: >= net45
      Microsoft.AspNet.Razor (>= 3.0) - restriction: >= net45
    runtime.debian.8-x64.runtime.native.System.Security.Cryptography.OpenSsl (4.3) - content: none, restriction: >= netstandard16
    runtime.fedora.23-x64.runtime.native.System.Security.Cryptography.OpenSsl (4.3) - content: none, restriction: >= netstandard16
    runtime.fedora.24-x64.runtime.native.System.Security.Cryptography.OpenSsl (4.3) - content: none, restriction: >= netstandard16
    runtime.native.System (4.3) - content: none, restriction: || (>= net10) (>= netstandard13)
      Microsoft.NETCore.Platforms (>= 1.1)
      Microsoft.NETCore.Targets (>= 1.1)
    runtime.native.System.IO.Compression (4.3) - content: none, restriction: || (>= net10) (>= netstandard13)
      Microsoft.NETCore.Platforms (>= 1.1)
      Microsoft.NETCore.Targets (>= 1.1)
    runtime.native.System.Net.Http (4.3) - restriction: >= netstandard16
      Microsoft.NETCore.Platforms (>= 1.1)
      Microsoft.NETCore.Targets (>= 1.1)
    runtime.native.System.Security.Cryptography.Apple (4.3) - content: none, restriction: >= netstandard16
      runtime.osx.10.10-x64.runtime.native.System.Security.Cryptography.Apple (>= 4.3)
    runtime.native.System.Security.Cryptography.OpenSsl (4.3) - content: none, restriction: >= netstandard16
      runtime.debian.8-x64.runtime.native.System.Security.Cryptography.OpenSsl (>= 4.3)
      runtime.fedora.23-x64.runtime.native.System.Security.Cryptography.OpenSsl (>= 4.3)
      runtime.fedora.24-x64.runtime.native.System.Security.Cryptography.OpenSsl (>= 4.3)
      runtime.opensuse.13.2-x64.runtime.native.System.Security.Cryptography.OpenSsl (>= 4.3)
      runtime.opensuse.42.1-x64.runtime.native.System.Security.Cryptography.OpenSsl (>= 4.3)
      runtime.osx.10.10-x64.runtime.native.System.Security.Cryptography.OpenSsl (>= 4.3)
      runtime.rhel.7-x64.runtime.native.System.Security.Cryptography.OpenSsl (>= 4.3)
      runtime.ubuntu.14.04-x64.runtime.native.System.Security.Cryptography.OpenSsl (>= 4.3)
      runtime.ubuntu.16.04-x64.runtime.native.System.Security.Cryptography.OpenSsl (>= 4.3)
      runtime.ubuntu.16.10-x64.runtime.native.System.Security.Cryptography.OpenSsl (>= 4.3)
    runtime.opensuse.13.2-x64.runtime.native.System.Security.Cryptography.OpenSsl (4.3) - content: none, restriction: >= netstandard16
    runtime.opensuse.42.1-x64.runtime.native.System.Security.Cryptography.OpenSsl (4.3) - content: none, restriction: >= netstandard16
    runtime.osx.10.10-x64.runtime.native.System.Security.Cryptography.Apple (4.3) - content: none, restriction: >= netstandard16
    runtime.osx.10.10-x64.runtime.native.System.Security.Cryptography.OpenSsl (4.3) - content: none, restriction: >= netstandard16
    runtime.rhel.7-x64.runtime.native.System.Security.Cryptography.OpenSsl (4.3) - content: none, restriction: >= netstandard16
    runtime.ubuntu.14.04-x64.runtime.native.System.Security.Cryptography.OpenSsl (4.3) - content: none, restriction: >= netstandard16
    runtime.ubuntu.16.04-x64.runtime.native.System.Security.Cryptography.OpenSsl (4.3) - content: none, restriction: >= netstandard16
    runtime.ubuntu.16.10-x64.runtime.native.System.Security.Cryptography.OpenSsl (4.3) - content: none, restriction: >= netstandard16
    System.AppContext (4.3) - restriction: >= netstandard16
      System.Runtime (>= 4.3) - restriction: || (== dnxcore50) (== netstandard13) (>= netstandard16)
    System.Buffers (4.3) - content: none, restriction: || (>= net10) (>= netstandard13)
      System.Diagnostics.Debug (>= 4.3) - restriction: >= netstandard11
      System.Diagnostics.Tracing (>= 4.3) - restriction: >= netstandard11
      System.Resources.ResourceManager (>= 4.3) - restriction: >= netstandard11
      System.Runtime (>= 4.3) - restriction: >= netstandard11
      System.Threading (>= 4.3) - restriction: >= netstandard11
    System.Collections (4.3) - content: none, restriction: || (>= net10) (>= netstandard10)
      Microsoft.NETCore.Platforms (>= 1.1) - restriction: || (== dnxcore50) (== netstandard10) (>= netstandard13)
      Microsoft.NETCore.Targets (>= 1.1) - restriction: || (== dnxcore50) (== netstandard10) (>= netstandard13)
      System.Runtime (>= 4.3) - restriction: || (== dnxcore50) (== netstandard10) (>= netstandard13)
    System.Collections.Concurrent (4.3) - restriction: >= netstandard16
      System.Collections (>= 4.3) - restriction: || (== dnxcore50) (>= netstandard13)
      System.Diagnostics.Debug (>= 4.3) - restriction: || (== dnxcore50) (>= netstandard13)
      System.Diagnostics.Tracing (>= 4.3) - restriction: || (== dnxcore50) (>= netstandard13)
      System.Globalization (>= 4.3) - restriction: || (== dnxcore50) (>= netstandard13)
      System.Reflection (>= 4.3) - restriction: >= netstandard13
      System.Resources.ResourceManager (>= 4.3) - restriction: || (== dnxcore50) (>= netstandard13)
      System.Runtime (>= 4.3) - restriction: || (== dnxcore50) (== netstandard11) (>= netstandard13)
      System.Runtime.Extensions (>= 4.3) - restriction: || (== dnxcore50) (>= netstandard13)
      System.Threading (>= 4.3) - restriction: || (== dnxcore50) (>= netstandard13)
      System.Threading.Tasks (>= 4.3) - restriction: || (== dnxcore50) (== netstandard11) (>= netstandard13)
    System.Collections.Immutable (1.3.1) - content: none, restriction: || (>= net10) (>= netstandard10)
      System.Collections (>= 4.3) - restriction: >= netstandard10
      System.Diagnostics.Debug (>= 4.3) - restriction: >= netstandard10
      System.Globalization (>= 4.3) - restriction: >= netstandard10
      System.Linq (>= 4.3) - restriction: >= netstandard10
      System.Resources.ResourceManager (>= 4.3) - restriction: >= netstandard10
      System.Runtime (>= 4.3) - restriction: >= netstandard10
      System.Runtime.Extensions (>= 4.3) - restriction: >= netstandard10
      System.Threading (>= 4.3) - restriction: >= netstandard10
    System.Console (4.3) - content: none, redirects: force, restriction: >= netstandard16
      Microsoft.NETCore.Platforms (>= 1.1) - restriction: >= netstandard13
      Microsoft.NETCore.Targets (>= 1.1) - restriction: >= netstandard13
      System.IO (>= 4.3) - restriction: >= netstandard13
      System.Runtime (>= 4.3) - restriction: >= netstandard13
      System.Text.Encoding (>= 4.3) - restriction: >= netstandard13
    System.Diagnostics.Debug (4.3) - content: none, restriction: || (>= net10) (>= netstandard10)
      Microsoft.NETCore.Platforms (>= 1.1) - restriction: || (== dnxcore50) (== netstandard10) (>= netstandard13)
      Microsoft.NETCore.Targets (>= 1.1) - restriction: || (== dnxcore50) (== netstandard10) (>= netstandard13)
      System.Runtime (>= 4.3) - restriction: || (== dnxcore50) (== netstandard10) (>= netstandard13)
    System.Diagnostics.DiagnosticSource (4.3) - restriction: >= netstandard16
      System.Collections (>= 4.3) - restriction: || (== netstandard11) (>= netstandard13)
      System.Diagnostics.Tracing (>= 4.3) - restriction: || (== netstandard11) (>= netstandard13)
      System.Reflection (>= 4.3) - restriction: || (== netstandard11) (>= netstandard13)
      System.Runtime (>= 4.3) - restriction: || (== netstandard11) (>= netstandard13)
      System.Threading (>= 4.3) - restriction: || (== netstandard11) (>= netstandard13)
    System.Diagnostics.Process (4.3) - content: none, restriction: >= netstandard16
      Microsoft.NETCore.Platforms (>= 1.1) - restriction: >= netstandard14
      Microsoft.Win32.Primitives (>= 4.3) - restriction: >= netstandard14
      Microsoft.Win32.Registry (>= 4.3) - restriction: >= netstandard14
      runtime.native.System (>= 4.3) - restriction: >= netstandard14
      System.Collections (>= 4.3) - restriction: >= netstandard14
      System.Diagnostics.Debug (>= 4.3) - restriction: >= netstandard14
      System.Globalization (>= 4.3) - restriction: >= netstandard14
      System.IO (>= 4.3) - restriction: >= netstandard13
      System.IO.FileSystem (>= 4.3) - restriction: >= netstandard14
      System.IO.FileSystem.Primitives (>= 4.3) - restriction: >= netstandard14
      System.Resources.ResourceManager (>= 4.3) - restriction: >= netstandard14
      System.Runtime (>= 4.3) - restriction: >= netstandard13
      System.Runtime.Extensions (>= 4.3) - restriction: >= netstandard14
      System.Runtime.Handles (>= 4.3) - restriction: >= netstandard13
      System.Runtime.InteropServices (>= 4.3) - restriction: >= netstandard14
      System.Text.Encoding (>= 4.3) - restriction: >= netstandard13
      System.Text.Encoding.Extensions (>= 4.3) - restriction: >= netstandard14
      System.Threading (>= 4.3) - restriction: >= netstandard14
      System.Threading.Tasks (>= 4.3) - restriction: >= netstandard14
      System.Threading.Thread (>= 4.3) - restriction: >= netstandard14
      System.Threading.ThreadPool (>= 4.3) - restriction: >= netstandard14
    System.Diagnostics.Tools (4.3) - content: none, redirects: force, restriction: >= netstandard16
      Microsoft.NETCore.Platforms (>= 1.1) - restriction: || (== dnxcore50) (>= netstandard10)
      Microsoft.NETCore.Targets (>= 1.1) - restriction: || (== dnxcore50) (>= netstandard10)
      System.Runtime (>= 4.3) - restriction: || (== dnxcore50) (>= netstandard10)
    System.Diagnostics.TraceSource (4.3) - content: none, restriction: >= netstandard16
      Microsoft.NETCore.Platforms (>= 1.1) - restriction: >= netstandard13
      runtime.native.System (>= 4.3) - restriction: >= netstandard13
      System.Collections (>= 4.3) - restriction: >= netstandard13
      System.Diagnostics.Debug (>= 4.3) - restriction: >= netstandard13
      System.Globalization (>= 4.3) - restriction: >= netstandard13
      System.Resources.ResourceManager (>= 4.3) - restriction: >= netstandard13
      System.Runtime (>= 4.3) - restriction: >= netstandard13
      System.Runtime.Extensions (>= 4.3) - restriction: >= netstandard13
      System.Threading (>= 4.3) - restriction: >= netstandard13
    System.Diagnostics.Tracing (4.3) - content: none, restriction: || (>= net10) (>= netstandard13)
      Microsoft.NETCore.Platforms (>= 1.1) - restriction: || (== dnxcore50) (== netstandard11) (== netstandard12) (== netstandard13) (>= netstandard15)
      Microsoft.NETCore.Targets (>= 1.1) - restriction: || (== dnxcore50) (== netstandard11) (== netstandard12) (== netstandard13) (>= netstandard15)
      System.Runtime (>= 4.3) - restriction: || (== dnxcore50) (== netstandard11) (== netstandard12) (== netstandard13) (>= netstandard15)
    System.Globalization (4.3) - content: none, restriction: || (>= net10) (>= netstandard10)
      Microsoft.NETCore.Platforms (>= 1.1) - restriction: || (== dnxcore50) (== netstandard10) (>= netstandard13)
      Microsoft.NETCore.Targets (>= 1.1) - restriction: || (== dnxcore50) (== netstandard10) (>= netstandard13)
      System.Runtime (>= 4.3) - restriction: || (== dnxcore50) (== netstandard10) (>= netstandard13)
    System.Globalization.Calendars (4.3) - restriction: >= netstandard16
      Microsoft.NETCore.Platforms (>= 1.1) - restriction: >= netstandard13
      Microsoft.NETCore.Targets (>= 1.1) - restriction: >= netstandard13
      System.Globalization (>= 4.3) - restriction: >= netstandard13
      System.Runtime (>= 4.3) - restriction: >= netstandard13
    System.Globalization.Extensions (4.3) - restriction: >= netstandard16
      Microsoft.NETCore.Platforms (>= 1.1) - restriction: >= netstandard13
      System.Globalization (>= 4.3) - restriction: >= netstandard13
      System.Resources.ResourceManager (>= 4.3) - restriction: >= netstandard13
      System.Runtime (>= 4.3) - restriction: >= netstandard13
      System.Runtime.Extensions (>= 4.3) - restriction: >= netstandard13
      System.Runtime.InteropServices (>= 4.3) - restriction: >= netstandard13
    System.IO (4.3) - content: none, restriction: || (>= net10) (>= netstandard10)
      Microsoft.NETCore.Platforms (>= 1.1) - restriction: || (== dnxcore50) (== netstandard10) (== netstandard13) (>= netstandard15)
      Microsoft.NETCore.Targets (>= 1.1) - restriction: || (== dnxcore50) (== netstandard10) (== netstandard13) (>= netstandard15)
      System.Runtime (>= 4.3) - restriction: || (== dnxcore50) (== netstandard10) (== netstandard13) (>= netstandard15)
      System.Text.Encoding (>= 4.3) - restriction: || (== dnxcore50) (== netstandard10) (== netstandard13) (>= netstandard15)
      System.Threading.Tasks (>= 4.3) - restriction: || (== dnxcore50) (== netstandard10) (== netstandard13) (>= netstandard15)
    System.IO.Compression (4.3) - content: none, restriction: || (>= net10) (>= netstandard11)
      Microsoft.NETCore.Platforms (>= 1.1) - restriction: >= netstandard13
      runtime.native.System (>= 4.3) - restriction: >= netstandard13
      runtime.native.System.IO.Compression (>= 4.3) - restriction: || (== dnxcore50) (>= netstandard13)
      System.Buffers (>= 4.3) - restriction: || (== dnxcore50) (>= netstandard13)
      System.Collections (>= 4.3) - restriction: || (== dnxcore50) (>= netstandard13)
      System.Diagnostics.Debug (>= 4.3) - restriction: || (== dnxcore50) (>= netstandard13)
      System.IO (>= 4.3) - restriction: || (== dnxcore50) (== netstandard11) (>= netstandard13)
      System.Resources.ResourceManager (>= 4.3) - restriction: || (== dnxcore50) (>= netstandard13)
      System.Runtime (>= 4.3) - restriction: || (== dnxcore50) (== netstandard11) (>= netstandard13)
      System.Runtime.Extensions (>= 4.3) - restriction: || (== dnxcore50) (>= netstandard13)
      System.Runtime.Handles (>= 4.3) - restriction: || (== dnxcore50) (>= netstandard13)
      System.Runtime.InteropServices (>= 4.3) - restriction: || (== dnxcore50) (>= netstandard13)
      System.Text.Encoding (>= 4.3) - restriction: || (== dnxcore50) (== netstandard11) (>= netstandard13)
      System.Threading (>= 4.3) - restriction: || (== dnxcore50) (>= netstandard13)
      System.Threading.Tasks (>= 4.3) - restriction: || (== dnxcore50) (>= netstandard13)
    System.IO.Compression.ZipFile (4.3) - restriction: >= netstandard16
      System.Buffers (>= 4.3) - restriction: >= netstandard13
      System.IO (>= 4.3) - restriction: >= netstandard13
      System.IO.Compression (>= 4.3) - restriction: >= netstandard13
      System.IO.FileSystem (>= 4.3) - restriction: >= netstandard13
      System.IO.FileSystem.Primitives (>= 4.3) - restriction: >= netstandard13
      System.Resources.ResourceManager (>= 4.3) - restriction: >= netstandard13
      System.Runtime (>= 4.3) - restriction: >= netstandard13
      System.Runtime.Extensions (>= 4.3) - restriction: >= netstandard13
      System.Text.Encoding (>= 4.3) - restriction: >= netstandard13
    System.IO.FileSystem (4.3) - restriction: >= netstandard16
      Microsoft.NETCore.Platforms (>= 1.1) - restriction: >= netstandard13
      Microsoft.NETCore.Targets (>= 1.1) - restriction: >= netstandard13
      System.IO (>= 4.3) - restriction: >= netstandard13
      System.IO.FileSystem.Primitives (>= 4.3) - restriction: >= netstandard13
      System.Runtime (>= 4.3) - restriction: >= netstandard13
      System.Runtime.Handles (>= 4.3) - restriction: >= netstandard13
      System.Text.Encoding (>= 4.3) - restriction: >= netstandard13
      System.Threading.Tasks (>= 4.3) - restriction: >= netstandard13
    System.IO.FileSystem.Primitives (4.3) - restriction: >= netstandard16
      System.Runtime (>= 4.3) - restriction: >= netstandard13
    System.Linq (4.3) - content: none, restriction: || (>= net10) (>= netstandard10)
      System.Collections (>= 4.3) - restriction: || (== dnxcore50) (== netstandard10) (>= netstandard16)
      System.Diagnostics.Debug (>= 4.3) - restriction: || (== dnxcore50) (>= netstandard16)
      System.Resources.ResourceManager (>= 4.3) - restriction: || (== dnxcore50) (>= netstandard16)
      System.Runtime (>= 4.3) - restriction: || (== dnxcore50) (== netstandard10) (>= netstandard16)
      System.Runtime.Extensions (>= 4.3) - restriction: || (== dnxcore50) (>= netstandard16)
    System.Linq.Expressions (4.3) - content: none, redirects: force, restriction: >= netstandard16
      System.Collections (>= 4.3) - restriction: || (== dnxcore50) (>= netstandard16)
      System.Diagnostics.Debug (>= 4.3) - restriction: || (== dnxcore50) (>= netstandard16)
      System.Globalization (>= 4.3) - restriction: || (== dnxcore50) (>= netstandard16)
      System.IO (>= 4.3) - restriction: || (== dnxcore50) (>= netstandard16)
      System.Linq (>= 4.3) - restriction: || (== dnxcore50) (>= netstandard16)
      System.ObjectModel (>= 4.3) - restriction: >= netstandard16
      System.Reflection (>= 4.3) - restriction: || (== dnxcore50) (== netstandard10) (== netstandard13) (>= netstandard16)
      System.Reflection.Emit (>= 4.3) - restriction: >= netstandard16
      System.Reflection.Emit.ILGeneration (>= 4.3) - restriction: || (== dnxcore50) (>= netstandard16)
      System.Reflection.Emit.Lightweight (>= 4.3) - restriction: || (== dnxcore50) (>= netstandard16)
      System.Reflection.Extensions (>= 4.3) - restriction: || (== dnxcore50) (>= netstandard16)
      System.Reflection.Primitives (>= 4.3) - restriction: || (== dnxcore50) (>= netstandard16)
      System.Reflection.TypeExtensions (>= 4.3) - restriction: || (== dnxcore50) (>= netstandard16)
      System.Resources.ResourceManager (>= 4.3) - restriction: || (== dnxcore50) (>= netstandard16)
      System.Runtime (>= 4.3) - restriction: || (== dnxcore50) (== netstandard10) (== netstandard13) (>= netstandard16)
      System.Runtime.Extensions (>= 4.3) - restriction: || (== dnxcore50) (>= netstandard16)
      System.Threading (>= 4.3) - restriction: || (== dnxcore50) (>= netstandard16)
    System.Linq.Queryable (4.3) - content: none, redirects: force, restriction: >= netstandard16
      System.Collections (>= 4.3) - restriction: || (== dnxcore50) (>= netstandard13)
      System.Diagnostics.Debug (>= 4.3) - restriction: || (== dnxcore50) (>= netstandard13)
      System.Linq (>= 4.3) - restriction: || (== dnxcore50) (== netstandard10) (>= netstandard13)
      System.Linq.Expressions (>= 4.3) - restriction: || (== dnxcore50) (== netstandard10) (>= netstandard13)
      System.Reflection (>= 4.3) - restriction: || (== dnxcore50) (>= netstandard13)
      System.Reflection.Extensions (>= 4.3) - restriction: || (== dnxcore50) (>= netstandard13)
      System.Resources.ResourceManager (>= 4.3) - restriction: || (== dnxcore50) (>= netstandard13)
      System.Runtime (>= 4.3) - restriction: || (== dnxcore50) (== netstandard10) (>= netstandard13)
    System.Net.Http (4.3.1) - restriction: >= netstandard16
      Microsoft.NETCore.Platforms (>= 1.1) - restriction: || (== dnxcore50) (== netstandard13) (>= netstandard16)
      runtime.native.System (>= 4.3) - restriction: >= netstandard16
      runtime.native.System.Net.Http (>= 4.3) - restriction: >= netstandard16
      runtime.native.System.Security.Cryptography.OpenSsl (>= 4.3) - restriction: >= netstandard16
      System.Collections (>= 4.3) - restriction: || (== dnxcore50) (== netstandard13) (>= netstandard16)
      System.Diagnostics.Debug (>= 4.3) - restriction: || (== dnxcore50) (== netstandard13) (>= netstandard16)
      System.Diagnostics.DiagnosticSource (>= 4.3) - restriction: || (== dnxcore50) (== netstandard13) (>= netstandard16)
      System.Diagnostics.Tracing (>= 4.3) - restriction: || (== dnxcore50) (== netstandard13) (>= netstandard16)
      System.Globalization (>= 4.3) - restriction: || (== dnxcore50) (== netstandard13) (>= netstandard16)
      System.Globalization.Extensions (>= 4.3) - restriction: >= netstandard16
      System.IO (>= 4.3) - restriction: || (== dnxcore50) (== netstandard11) (== netstandard13) (>= netstandard16)
      System.IO.FileSystem (>= 4.3) - restriction: >= netstandard16
      System.Net.Primitives (>= 4.3) - restriction: || (== dnxcore50) (== netstandard11) (== netstandard13) (>= netstandard16)
      System.Resources.ResourceManager (>= 4.3) - restriction: || (== dnxcore50) (== netstandard13) (>= netstandard16)
      System.Runtime (>= 4.3) - restriction: || (== dnxcore50) (== netstandard11) (== netstandard13) (>= netstandard16)
      System.Runtime.Extensions (>= 4.3) - restriction: || (== dnxcore50) (== netstandard13) (>= netstandard16)
      System.Runtime.Handles (>= 4.3) - restriction: || (== netstandard13) (>= netstandard16)
      System.Runtime.InteropServices (>= 4.3) - restriction: || (== dnxcore50) (== netstandard13) (>= netstandard16)
      System.Security.Cryptography.Algorithms (>= 4.3) - restriction: >= netstandard16
      System.Security.Cryptography.Encoding (>= 4.3) - restriction: >= netstandard16
      System.Security.Cryptography.OpenSsl (>= 4.3) - restriction: >= netstandard16
      System.Security.Cryptography.Primitives (>= 4.3) - restriction: >= netstandard16
      System.Security.Cryptography.X509Certificates (>= 4.3) - restriction: || (== dnxcore50) (== netstandard13) (>= net46) (>= netstandard16)
      System.Text.Encoding (>= 4.3) - restriction: || (== dnxcore50) (== netstandard11) (== netstandard13) (>= netstandard16)
      System.Threading (>= 4.3) - restriction: || (== dnxcore50) (== netstandard13) (>= netstandard16)
      System.Threading.Tasks (>= 4.3) - restriction: || (== dnxcore50) (== netstandard11) (== netstandard13) (>= netstandard16)
    System.Net.Primitives (4.3) - restriction: >= netstandard16
      Microsoft.NETCore.Platforms (>= 1.1) - restriction: || (== dnxcore50) (== netstandard10) (== netstandard11) (>= netstandard13)
      Microsoft.NETCore.Targets (>= 1.1) - restriction: || (== dnxcore50) (== netstandard10) (== netstandard11) (>= netstandard13)
      System.Runtime (>= 4.3) - restriction: || (== dnxcore50) (== netstandard10) (== netstandard11) (>= netstandard13)
      System.Runtime.Handles (>= 4.3) - restriction: || (== dnxcore50) (>= netstandard13)
    System.Net.Requests (4.3) - content: none, redirects: force, restriction: >= netstandard16
      Microsoft.NETCore.Platforms (>= 1.1) - restriction: >= netstandard13
      System.Collections (>= 4.3) - restriction: || (== dnxcore50) (>= netstandard13)
      System.Diagnostics.Debug (>= 4.3) - restriction: || (== dnxcore50) (>= netstandard13)
      System.Diagnostics.Tracing (>= 4.3) - restriction: || (== dnxcore50) (>= netstandard13)
      System.Globalization (>= 4.3) - restriction: || (== dnxcore50) (>= netstandard13)
      System.IO (>= 4.3) - restriction: || (== dnxcore50) (== netstandard10) (== netstandard11) (>= netstandard13)
      System.Net.Http (>= 4.3) - restriction: || (== dnxcore50) (>= netstandard13)
      System.Net.Primitives (>= 4.3) - restriction: || (== dnxcore50) (== netstandard10) (== netstandard11) (>= netstandard13)
      System.Net.WebHeaderCollection (>= 4.3) - restriction: || (== dnxcore50) (>= netstandard13)
      System.Resources.ResourceManager (>= 4.3) - restriction: || (== dnxcore50) (>= netstandard13)
      System.Runtime (>= 4.3) - restriction: || (== dnxcore50) (== netstandard10) (== netstandard11) (>= netstandard13)
      System.Threading (>= 4.3) - restriction: || (== dnxcore50) (>= netstandard13)
      System.Threading.Tasks (>= 4.3) - restriction: || (== dnxcore50) (== netstandard11) (>= netstandard13)
    System.Net.Sockets (4.3) - restriction: >= netstandard16
      Microsoft.NETCore.Platforms (>= 1.1) - restriction: >= netstandard13
      Microsoft.NETCore.Targets (>= 1.1) - restriction: >= netstandard13
      System.IO (>= 4.3) - restriction: >= netstandard13
      System.Net.Primitives (>= 4.3) - restriction: >= netstandard13
      System.Runtime (>= 4.3) - restriction: >= netstandard13
      System.Threading.Tasks (>= 4.3) - restriction: >= netstandard13
    System.Net.WebHeaderCollection (4.3) - content: none, redirects: force, restriction: >= netstandard16
      System.Collections (>= 4.3) - restriction: >= netstandard13
      System.Resources.ResourceManager (>= 4.3) - restriction: >= netstandard13
      System.Runtime (>= 4.3) - restriction: >= netstandard13
      System.Runtime.Extensions (>= 4.3) - restriction: >= netstandard13
    System.ObjectModel (4.3) - restriction: >= netstandard16
      System.Collections (>= 4.3) - restriction: || (== dnxcore50) (>= netstandard13)
      System.Diagnostics.Debug (>= 4.3) - restriction: || (== dnxcore50) (>= netstandard13)
      System.Resources.ResourceManager (>= 4.3) - restriction: || (== dnxcore50) (>= netstandard13)
      System.Runtime (>= 4.3) - restriction: || (== dnxcore50) (== netstandard10) (>= netstandard13)
      System.Threading (>= 4.3) - restriction: || (== dnxcore50) (>= netstandard13)
    System.Reflection (4.3) - content: none, restriction: || (>= net10) (>= netstandard10)
      Microsoft.NETCore.Platforms (>= 1.1) - restriction: || (== dnxcore50) (== netstandard10) (== netstandard13) (>= netstandard15)
      Microsoft.NETCore.Targets (>= 1.1) - restriction: || (== dnxcore50) (== netstandard10) (== netstandard13) (>= netstandard15)
      System.IO (>= 4.3) - restriction: || (== dnxcore50) (== netstandard10) (== netstandard13) (>= netstandard15)
      System.Reflection.Primitives (>= 4.3) - restriction: || (== dnxcore50) (== netstandard10) (== netstandard13) (>= netstandard15)
      System.Runtime (>= 4.3) - restriction: || (== dnxcore50) (== netstandard10) (== netstandard13) (>= netstandard15)
    System.Reflection.Emit (4.3) - content: none, restriction: >= netstandard16
      System.IO (>= 4.3) - restriction: >= netstandard11
      System.Reflection (>= 4.3) - restriction: >= netstandard11
      System.Reflection.Emit.ILGeneration (>= 4.3) - restriction: >= netstandard11
      System.Reflection.Primitives (>= 4.3) - restriction: >= netstandard11
      System.Runtime (>= 4.3) - restriction: >= netstandard11
    System.Reflection.Emit.ILGeneration (4.3) - content: none, redirects: force, restriction: >= netstandard16
      System.Reflection (>= 4.3) - restriction: >= netstandard10
      System.Reflection.Primitives (>= 4.3) - restriction: >= netstandard10
      System.Runtime (>= 4.3) - restriction: >= netstandard10
    System.Reflection.Emit.Lightweight (4.3) - content: none, redirects: force, restriction: >= netstandard16
      System.Reflection (>= 4.3) - restriction: >= netstandard10
      System.Reflection.Emit.ILGeneration (>= 4.3) - restriction: >= netstandard10
      System.Reflection.Primitives (>= 4.3) - restriction: >= netstandard10
      System.Runtime (>= 4.3) - restriction: >= netstandard10
    System.Reflection.Extensions (4.3) - content: none, restriction: || (>= net10) (>= netstandard11)
      Microsoft.NETCore.Platforms (>= 1.1) - restriction: || (== dnxcore50) (>= netstandard10)
      Microsoft.NETCore.Targets (>= 1.1) - restriction: || (== dnxcore50) (>= netstandard10)
      System.Reflection (>= 4.3) - restriction: || (== dnxcore50) (>= netstandard10)
      System.Runtime (>= 4.3) - restriction: || (== dnxcore50) (>= netstandard10)
    System.Reflection.Metadata (1.4.2) - content: none, restriction: || (>= net10) (>= netstandard10)
      System.Collections (>= 4.3) - restriction: >= netstandard11
      System.Collections.Immutable (>= 1.3.1) - restriction: || (== monoandroid) (== monotouch) (== xamarinios) (== xamarinmac) (== win8) (>= netstandard11)
      System.Diagnostics.Debug (>= 4.3) - restriction: >= netstandard11
      System.IO (>= 4.3) - restriction: >= netstandard11
      System.IO.Compression (>= 4.3) - restriction: >= netstandard11
      System.Linq (>= 4.3) - restriction: >= netstandard11
      System.Reflection (>= 4.3) - restriction: >= netstandard11
      System.Reflection.Extensions (>= 4.3) - restriction: >= netstandard11
      System.Reflection.Primitives (>= 4.3) - restriction: >= netstandard11
      System.Resources.ResourceManager (>= 4.3) - restriction: >= netstandard11
      System.Runtime (>= 4.3) - restriction: >= netstandard11
      System.Runtime.Extensions (>= 4.3) - restriction: >= netstandard11
      System.Runtime.InteropServices (>= 4.3) - restriction: >= netstandard11
      System.Text.Encoding (>= 4.3) - restriction: >= netstandard11
      System.Text.Encoding.Extensions (>= 4.3) - restriction: >= netstandard11
      System.Threading (>= 4.3) - restriction: >= netstandard11
    System.Reflection.Primitives (4.3) - content: none, restriction: || (>= net10) (>= netstandard10)
      Microsoft.NETCore.Platforms (>= 1.1) - restriction: || (== dnxcore50) (>= netstandard10)
      Microsoft.NETCore.Targets (>= 1.1) - restriction: || (== dnxcore50) (>= netstandard10)
      System.Runtime (>= 4.3) - restriction: || (== dnxcore50) (>= netstandard10)
    System.Reflection.TypeExtensions (4.3) - content: none, restriction: >= netstandard16
      System.Reflection (>= 4.3) - restriction: || (== dnxcore50) (== netstandard13) (>= netstandard15)
      System.Runtime (>= 4.3) - restriction: || (== dnxcore50) (== netstandard13) (>= netstandard15)
    System.Resources.ResourceManager (4.3) - content: none, restriction: || (>= net10) (>= netstandard10)
      Microsoft.NETCore.Platforms (>= 1.1) - restriction: || (== dnxcore50) (>= netstandard10)
      Microsoft.NETCore.Targets (>= 1.1) - restriction: || (== dnxcore50) (>= netstandard10)
      System.Globalization (>= 4.3) - restriction: || (== dnxcore50) (>= netstandard10)
      System.Reflection (>= 4.3) - restriction: || (== dnxcore50) (>= netstandard10)
      System.Runtime (>= 4.3) - restriction: || (== dnxcore50) (>= netstandard10)
    System.Runtime (4.3) - content: none, restriction: || (>= net10) (>= netstandard10)
      Microsoft.NETCore.Platforms (>= 1.1) - restriction: || (== dnxcore50) (== netstandard10) (== netstandard12) (== netstandard13) (>= netstandard15)
      Microsoft.NETCore.Targets (>= 1.1) - restriction: || (== dnxcore50) (== netstandard10) (== netstandard12) (== netstandard13) (>= netstandard15)
    System.Runtime.Extensions (4.3) - content: none, restriction: || (>= net10) (>= netstandard10)
      Microsoft.NETCore.Platforms (>= 1.1) - restriction: || (== dnxcore50) (== netstandard10) (== netstandard13) (>= netstandard15)
      Microsoft.NETCore.Targets (>= 1.1) - restriction: || (== dnxcore50) (== netstandard10) (== netstandard13) (>= netstandard15)
      System.Runtime (>= 4.3) - restriction: || (== dnxcore50) (== netstandard10) (== netstandard13) (>= netstandard15)
    System.Runtime.Handles (4.3) - content: none, restriction: || (>= net10) (>= netstandard13)
      Microsoft.NETCore.Platforms (>= 1.1) - restriction: >= netstandard13
      Microsoft.NETCore.Targets (>= 1.1) - restriction: >= netstandard13
      System.Runtime (>= 4.3) - restriction: >= netstandard13
    System.Runtime.InteropServices (4.3) - content: none, restriction: || (>= net10) (>= netstandard11)
      Microsoft.NETCore.Platforms (>= 1.1) - restriction: || (== dnxcore50) (== netstandard11) (== netstandard12) (== netstandard13) (>= netstandard15)
      Microsoft.NETCore.Targets (>= 1.1) - restriction: || (== dnxcore50) (== netstandard11) (== netstandard12) (== netstandard13) (>= netstandard15)
      System.Reflection (>= 4.3) - restriction: || (== dnxcore50) (== netstandard11) (== netstandard12) (== netstandard13) (>= netstandard15)
      System.Reflection.Primitives (>= 4.3) - restriction: || (== dnxcore50) (== netstandard11) (== netstandard12) (== netstandard13) (>= netstandard15)
      System.Runtime (>= 4.3) - restriction: || (== dnxcore50) (== netstandard11) (== netstandard12) (== netstandard13) (>= netstandard15)
      System.Runtime.Handles (>= 4.3) - restriction: || (== dnxcore50) (== netstandard13) (>= netstandard15)
    System.Runtime.InteropServices.RuntimeInformation (4.3) - restriction: >= netstandard16
      runtime.native.System (>= 4.3) - restriction: >= netstandard11
      System.Reflection (>= 4.3) - restriction: || (== dnxcore50) (>= netstandard11)
      System.Reflection.Extensions (>= 4.3) - restriction: || (== dnxcore50) (>= netstandard11)
      System.Resources.ResourceManager (>= 4.3) - restriction: || (== dnxcore50) (>= netstandard11)
      System.Runtime (>= 4.3) - restriction: || (== dnxcore50) (>= netstandard11)
      System.Runtime.InteropServices (>= 4.3) - restriction: >= netstandard11
      System.Threading (>= 4.3) - restriction: || (== dnxcore50) (>= netstandard11)
    System.Runtime.Loader (4.3) - content: none, restriction: >= netstandard16
      System.IO (>= 4.3) - restriction: >= netstandard15
      System.Reflection (>= 4.3) - restriction: >= netstandard15
      System.Runtime (>= 4.3) - restriction: >= netstandard15
    System.Runtime.Numerics (4.3) - content: none, redirects: force, restriction: >= netstandard16
      System.Globalization (>= 4.3) - restriction: || (== dnxcore50) (>= netstandard13)
      System.Resources.ResourceManager (>= 4.3) - restriction: || (== dnxcore50) (>= netstandard13)
      System.Runtime (>= 4.3) - restriction: || (== dnxcore50) (== netstandard11) (>= netstandard13)
      System.Runtime.Extensions (>= 4.3) - restriction: || (== dnxcore50) (>= netstandard13)
    System.Security.Cryptography.Algorithms (4.3) - content: none, restriction: >= netstandard16
      Microsoft.NETCore.Platforms (>= 1.1) - restriction: || (== dnxcore50) (>= netstandard16)
      runtime.native.System.Security.Cryptography.Apple (>= 4.3) - restriction: >= netstandard16
      runtime.native.System.Security.Cryptography.OpenSsl (>= 4.3) - restriction: >= netstandard16
      System.Collections (>= 4.3) - restriction: >= netstandard16
      System.IO (>= 4.3) - restriction: || (== dnxcore50) (== netstandard13) (== netstandard14) (>= netstandard16)
      System.Resources.ResourceManager (>= 4.3) - restriction: || (== dnxcore50) (>= netstandard16)
      System.Runtime (>= 4.3) - restriction: || (== dnxcore50) (== netstandard13) (== netstandard14) (>= netstandard16)
      System.Runtime.Extensions (>= 4.3) - restriction: || (== dnxcore50) (>= netstandard16)
      System.Runtime.Handles (>= 4.3) - restriction: || (== dnxcore50) (>= netstandard16)
      System.Runtime.InteropServices (>= 4.3) - restriction: || (== dnxcore50) (>= netstandard16)
      System.Runtime.Numerics (>= 4.3) - restriction: >= netstandard16
      System.Security.Cryptography.Encoding (>= 4.3) - restriction: || (== dnxcore50) (>= netstandard16)
      System.Security.Cryptography.Primitives (>= 4.3) - restriction: || (== net46) (== dnxcore50) (== netstandard13) (== netstandard14) (>= netstandard16)
      System.Text.Encoding (>= 4.3) - restriction: || (== dnxcore50) (>= netstandard16)
    System.Security.Cryptography.Cng (4.3) - restriction: >= netstandard16
      Microsoft.NETCore.Platforms (>= 1.1) - restriction: || (== netstandard14) (>= netstandard16)
      System.IO (>= 4.3) - restriction: || (== netstandard13) (== netstandard14) (>= netstandard16)
      System.Resources.ResourceManager (>= 4.3) - restriction: || (== netstandard14) (>= netstandard16)
      System.Runtime (>= 4.3) - restriction: || (== netstandard13) (== netstandard14) (>= netstandard16)
      System.Runtime.Extensions (>= 4.3) - restriction: || (== netstandard14) (>= netstandard16)
      System.Runtime.Handles (>= 4.3) - restriction: || (== netstandard13) (== netstandard14) (>= netstandard16)
      System.Runtime.InteropServices (>= 4.3) - restriction: || (== netstandard14) (>= netstandard16)
      System.Security.Cryptography.Algorithms (>= 4.3) - restriction: || (== net46) (== netstandard13) (== netstandard14) (>= netstandard16)
      System.Security.Cryptography.Encoding (>= 4.3) - restriction: || (== netstandard14) (>= netstandard16)
      System.Security.Cryptography.Primitives (>= 4.3) - restriction: || (== net46) (== netstandard13) (== netstandard14) (>= netstandard16)
      System.Text.Encoding (>= 4.3) - restriction: || (== netstandard14) (>= netstandard16)
    System.Security.Cryptography.Csp (4.3) - restriction: >= netstandard16
      Microsoft.NETCore.Platforms (>= 1.1) - restriction: >= netstandard13
      System.IO (>= 4.3) - restriction: >= netstandard13
      System.Reflection (>= 4.3) - restriction: >= netstandard13
      System.Resources.ResourceManager (>= 4.3) - restriction: >= netstandard13
      System.Runtime (>= 4.3) - restriction: >= netstandard13
      System.Runtime.Extensions (>= 4.3) - restriction: >= netstandard13
      System.Runtime.Handles (>= 4.3) - restriction: >= netstandard13
      System.Runtime.InteropServices (>= 4.3) - restriction: >= netstandard13
      System.Security.Cryptography.Algorithms (>= 4.3) - restriction: >= netstandard13
      System.Security.Cryptography.Encoding (>= 4.3) - restriction: >= netstandard13
      System.Security.Cryptography.Primitives (>= 4.3) - restriction: >= netstandard13
      System.Text.Encoding (>= 4.3) - restriction: >= netstandard13
      System.Threading (>= 4.3) - restriction: >= netstandard13
    System.Security.Cryptography.Encoding (4.3) - restriction: >= netstandard16
      Microsoft.NETCore.Platforms (>= 1.1) - restriction: >= netstandard13
      runtime.native.System.Security.Cryptography.OpenSsl (>= 4.3) - restriction: >= netstandard13
      System.Collections (>= 4.3) - restriction: >= netstandard13
      System.Collections.Concurrent (>= 4.3) - restriction: >= netstandard13
      System.Linq (>= 4.3) - restriction: >= netstandard13
      System.Resources.ResourceManager (>= 4.3) - restriction: >= netstandard13
      System.Runtime (>= 4.3) - restriction: >= netstandard13
      System.Runtime.Extensions (>= 4.3) - restriction: >= netstandard13
      System.Runtime.Handles (>= 4.3) - restriction: >= netstandard13
      System.Runtime.InteropServices (>= 4.3) - restriction: >= netstandard13
      System.Security.Cryptography.Primitives (>= 4.3) - restriction: >= netstandard13
      System.Text.Encoding (>= 4.3) - restriction: >= netstandard13
    System.Security.Cryptography.OpenSsl (4.3) - restriction: >= netstandard16
      runtime.native.System.Security.Cryptography.OpenSsl (>= 4.3) - restriction: || (== monoandroid) (== monotouch) (== xamarinios) (== xamarinmac) (>= netstandard16)
      System.Collections (>= 4.3) - restriction: >= netstandard16
      System.IO (>= 4.3) - restriction: >= netstandard16
      System.Resources.ResourceManager (>= 4.3) - restriction: >= netstandard16
      System.Runtime (>= 4.3) - restriction: >= netstandard16
      System.Runtime.Extensions (>= 4.3) - restriction: >= netstandard16
      System.Runtime.Handles (>= 4.3) - restriction: >= netstandard16
      System.Runtime.InteropServices (>= 4.3) - restriction: >= netstandard16
      System.Runtime.Numerics (>= 4.3) - restriction: >= netstandard16
      System.Security.Cryptography.Algorithms (>= 4.3) - restriction: >= netstandard16
      System.Security.Cryptography.Encoding (>= 4.3) - restriction: >= netstandard16
      System.Security.Cryptography.Primitives (>= 4.3) - restriction: >= netstandard16
      System.Text.Encoding (>= 4.3) - restriction: >= netstandard16
    System.Security.Cryptography.Primitives (4.3) - restriction: >= netstandard16
      System.Diagnostics.Debug (>= 4.3) - restriction: >= netstandard13
      System.Globalization (>= 4.3) - restriction: >= netstandard13
      System.IO (>= 4.3) - restriction: >= netstandard13
      System.Resources.ResourceManager (>= 4.3) - restriction: >= netstandard13
      System.Runtime (>= 4.3) - restriction: >= netstandard13
      System.Threading (>= 4.3) - restriction: >= netstandard13
      System.Threading.Tasks (>= 4.3) - restriction: >= netstandard13
    System.Security.Cryptography.X509Certificates (4.3) - restriction: >= netstandard16
      Microsoft.NETCore.Platforms (>= 1.1) - restriction: || (== dnxcore50) (>= netstandard16)
      runtime.native.System (>= 4.3) - restriction: >= netstandard16
      runtime.native.System.Net.Http (>= 4.3) - restriction: >= netstandard16
      runtime.native.System.Security.Cryptography.OpenSsl (>= 4.3) - restriction: >= netstandard16
      System.Collections (>= 4.3) - restriction: || (== dnxcore50) (>= netstandard16)
      System.Diagnostics.Debug (>= 4.3) - restriction: >= netstandard16
      System.Globalization (>= 4.3) - restriction: || (== dnxcore50) (>= netstandard16)
      System.Globalization.Calendars (>= 4.3) - restriction: || (== dnxcore50) (>= netstandard16)
      System.IO (>= 4.3) - restriction: || (== dnxcore50) (>= netstandard16)
      System.IO.FileSystem (>= 4.3) - restriction: || (== dnxcore50) (>= netstandard16)
      System.IO.FileSystem.Primitives (>= 4.3) - restriction: >= netstandard16
      System.Resources.ResourceManager (>= 4.3) - restriction: || (== dnxcore50) (>= netstandard16)
      System.Runtime (>= 4.3) - restriction: || (== dnxcore50) (== netstandard13) (== netstandard14) (>= netstandard16)
      System.Runtime.Extensions (>= 4.3) - restriction: || (== dnxcore50) (>= netstandard16)
      System.Runtime.Handles (>= 4.3) - restriction: || (== dnxcore50) (== netstandard13) (== netstandard14) (>= netstandard16)
      System.Runtime.InteropServices (>= 4.3) - restriction: || (== dnxcore50) (>= netstandard16)
      System.Runtime.Numerics (>= 4.3) - restriction: || (== dnxcore50) (>= netstandard16)
      System.Security.Cryptography.Algorithms (>= 4.3) - restriction: || (== net46) (== dnxcore50) (== netstandard13) (== netstandard14) (>= netstandard16)
      System.Security.Cryptography.Cng (>= 4.3) - restriction: || (== dnxcore50) (>= netstandard16)
      System.Security.Cryptography.Csp (>= 4.3) - restriction: >= netstandard16
      System.Security.Cryptography.Encoding (>= 4.3) - restriction: || (== net46) (== dnxcore50) (== netstandard13) (== netstandard14) (>= netstandard16)
      System.Security.Cryptography.OpenSsl (>= 4.3) - restriction: >= netstandard16
      System.Security.Cryptography.Primitives (>= 4.3) - restriction: || (== dnxcore50) (>= netstandard16)
      System.Text.Encoding (>= 4.3) - restriction: || (== dnxcore50) (>= netstandard16)
      System.Threading (>= 4.3) - restriction: || (== dnxcore50) (>= netstandard16)
    System.Text.Encoding (4.3) - content: none, restriction: || (>= net10) (>= netstandard10)
      Microsoft.NETCore.Platforms (>= 1.1) - restriction: || (== dnxcore50) (== netstandard10) (>= netstandard13)
      Microsoft.NETCore.Targets (>= 1.1) - restriction: || (== dnxcore50) (== netstandard10) (>= netstandard13)
      System.Runtime (>= 4.3) - restriction: || (== dnxcore50) (== netstandard10) (>= netstandard13)
    System.Text.Encoding.Extensions (4.3) - content: none, restriction: || (>= net10) (>= netstandard11)
      Microsoft.NETCore.Platforms (>= 1.1) - restriction: || (== dnxcore50) (== netstandard10) (>= netstandard13)
      Microsoft.NETCore.Targets (>= 1.1) - restriction: || (== dnxcore50) (== netstandard10) (>= netstandard13)
      System.Runtime (>= 4.3) - restriction: || (== dnxcore50) (== netstandard10) (>= netstandard13)
      System.Text.Encoding (>= 4.3) - restriction: || (== dnxcore50) (== netstandard10) (>= netstandard13)
    System.Text.RegularExpressions (4.3) - content: none, redirects: force, restriction: >= netstandard16
      System.Collections (>= 4.3) - restriction: || (== dnxcore50) (>= netstandard16)
      System.Globalization (>= 4.3) - restriction: || (== dnxcore50) (>= netstandard16)
      System.Resources.ResourceManager (>= 4.3) - restriction: || (== dnxcore50) (>= netstandard16)
      System.Runtime (>= 4.3) - restriction: || (== dnxcore50) (== netstandard10) (== netstandard13) (>= netstandard16)
      System.Runtime.Extensions (>= 4.3) - restriction: || (== dnxcore50) (>= netstandard16)
      System.Threading (>= 4.3) - restriction: || (== dnxcore50) (>= netstandard16)
    System.Threading (4.3) - content: none, restriction: || (>= net10) (>= netstandard10)
      System.Runtime (>= 4.3) - restriction: || (== dnxcore50) (== netstandard10) (>= netstandard13)
      System.Threading.Tasks (>= 4.3) - restriction: || (== dnxcore50) (== netstandard10) (>= netstandard13)
    System.Threading.Tasks (4.3) - content: none, restriction: || (== netstandard10) (>= net10) (>= netstandard13)
      Microsoft.NETCore.Platforms (>= 1.1) - restriction: || (== dnxcore50) (== netstandard10) (>= netstandard13)
      Microsoft.NETCore.Targets (>= 1.1) - restriction: || (== dnxcore50) (== netstandard10) (>= netstandard13)
      System.Runtime (>= 4.3) - restriction: || (== dnxcore50) (== netstandard10) (>= netstandard13)
    System.Threading.Tasks.Extensions (4.3) - restriction: >= netstandard16
      System.Collections (>= 4.3) - restriction: >= netstandard10
      System.Runtime (>= 4.3) - restriction: >= netstandard10
      System.Threading.Tasks (>= 4.3) - restriction: >= netstandard10
    System.Threading.Tasks.Parallel (4.3) - content: none, redirects: force, restriction: >= netstandard16
      System.Collections.Concurrent (>= 4.3) - restriction: || (== dnxcore50) (== netstandard11) (>= netstandard13)
      System.Diagnostics.Debug (>= 4.3) - restriction: || (== dnxcore50) (>= netstandard13)
      System.Diagnostics.Tracing (>= 4.3) - restriction: || (== dnxcore50) (>= netstandard13)
      System.Resources.ResourceManager (>= 4.3) - restriction: || (== dnxcore50) (>= netstandard13)
      System.Runtime (>= 4.3) - restriction: || (== dnxcore50) (== netstandard11) (>= netstandard13)
      System.Runtime.Extensions (>= 4.3) - restriction: || (== dnxcore50) (>= netstandard13)
      System.Threading (>= 4.3) - restriction: || (== dnxcore50) (>= netstandard13)
      System.Threading.Tasks (>= 4.3) - restriction: || (== dnxcore50) (== netstandard11) (>= netstandard13)
    System.Threading.Thread (4.3) - content: none, redirects: force, restriction: >= netstandard16
      System.Runtime (>= 4.3) - restriction: >= netstandard13
    System.Threading.ThreadPool (4.3) - content: none, redirects: force, restriction: >= netstandard16
      System.Runtime (>= 4.3) - restriction: >= netstandard13
      System.Runtime.Handles (>= 4.3) - restriction: >= netstandard13
    System.Threading.Timer (4.3) - content: none, redirects: force, restriction: >= netstandard16
      Microsoft.NETCore.Platforms (>= 1.1) - restriction: || (== dnxcore50) (>= netstandard12)
      Microsoft.NETCore.Targets (>= 1.1) - restriction: || (== dnxcore50) (>= netstandard12)
      System.Runtime (>= 4.3) - restriction: || (== dnxcore50) (>= netstandard12)
    System.ValueTuple (4.3) - content: none, redirects: force, restriction: || (== netstandard10) (== netstandard11) (== netstandard12) (== netstandard13) (== netstandard14) (== netstandard15) (>= net10)
      System.Collections (>= 4.3) - restriction: >= netstandard10
      System.Resources.ResourceManager (>= 4.3) - restriction: >= netstandard10
      System.Runtime (>= 4.3) - restriction: >= netstandard10
    System.Xml.ReaderWriter (4.3) - restriction: >= netstandard16
      System.Collections (>= 4.3) - restriction: || (== dnxcore50) (>= netstandard13)
      System.Diagnostics.Debug (>= 4.3) - restriction: || (== dnxcore50) (>= netstandard13)
      System.Globalization (>= 4.3) - restriction: || (== dnxcore50) (>= netstandard13)
      System.IO (>= 4.3) - restriction: || (== dnxcore50) (== netstandard10) (>= netstandard13)
      System.IO.FileSystem (>= 4.3) - restriction: || (== dnxcore50) (>= netstandard13)
      System.IO.FileSystem.Primitives (>= 4.3) - restriction: || (== dnxcore50) (>= netstandard13)
      System.Resources.ResourceManager (>= 4.3) - restriction: || (== dnxcore50) (>= netstandard13)
      System.Runtime (>= 4.3) - restriction: || (== dnxcore50) (== netstandard10) (>= netstandard13)
      System.Runtime.Extensions (>= 4.3) - restriction: || (== dnxcore50) (>= netstandard13)
      System.Runtime.InteropServices (>= 4.3) - restriction: || (== dnxcore50) (>= netstandard13)
      System.Text.Encoding (>= 4.3) - restriction: || (== dnxcore50) (== netstandard10) (>= netstandard13)
      System.Text.Encoding.Extensions (>= 4.3) - restriction: || (== dnxcore50) (>= netstandard13)
      System.Text.RegularExpressions (>= 4.3) - restriction: || (== dnxcore50) (>= netstandard13)
      System.Threading.Tasks (>= 4.3) - restriction: || (== dnxcore50) (== netstandard10) (>= netstandard13)
      System.Threading.Tasks.Extensions (>= 4.3) - restriction: || (== dnxcore50) (>= netstandard13)
    System.Xml.XDocument (4.3) - restriction: >= netstandard16
      System.Collections (>= 4.3) - restriction: || (== dnxcore50) (>= netstandard13)
      System.Diagnostics.Debug (>= 4.3) - restriction: || (== dnxcore50) (>= netstandard13)
      System.Diagnostics.Tools (>= 4.3) - restriction: || (== dnxcore50) (>= netstandard13)
      System.Globalization (>= 4.3) - restriction: || (== dnxcore50) (>= netstandard13)
      System.IO (>= 4.3) - restriction: || (== dnxcore50) (== netstandard10) (>= netstandard13)
      System.Reflection (>= 4.3) - restriction: || (== dnxcore50) (>= netstandard13)
      System.Resources.ResourceManager (>= 4.3) - restriction: || (== dnxcore50) (>= netstandard13)
      System.Runtime (>= 4.3) - restriction: || (== dnxcore50) (== netstandard10) (>= netstandard13)
      System.Runtime.Extensions (>= 4.3) - restriction: || (== dnxcore50) (>= netstandard13)
      System.Text.Encoding (>= 4.3) - restriction: || (== dnxcore50) (>= netstandard13)
      System.Threading (>= 4.3) - restriction: || (== dnxcore50) (>= netstandard13)
      System.Xml.ReaderWriter (>= 4.3) - restriction: || (== dnxcore50) (== netstandard10) (>= netstandard13)
    Zlib.Portable (1.11) - restriction: || (>= portable-net45+win8+sl5) (>= portable-net45+win8+wp8+wpa81)
  remote: https://ci.appveyor.com/nuget/fake
    FAKE (5.0.0-alpha004)

GROUP Test
NUGET
  remote: https://api.nuget.org/v3/index.json
    FSharp.Core (4.1.12) - restriction: || (>= net10) (>= netstandard10)
      System.Collections (>= 4.0.11) - restriction: >= netstandard16
      System.Console (>= 4.0) - restriction: >= netstandard16
      System.Diagnostics.Debug (>= 4.0.11) - restriction: >= netstandard16
      System.Diagnostics.Tools (>= 4.0.1) - restriction: >= netstandard16
      System.Globalization (>= 4.0.11) - restriction: >= netstandard16
      System.IO (>= 4.1) - restriction: >= netstandard16
      System.Linq (>= 4.1) - restriction: >= netstandard16
      System.Linq.Expressions (>= 4.1) - restriction: >= netstandard16
      System.Linq.Queryable (>= 4.0.1) - restriction: >= netstandard16
      System.Net.Requests (>= 4.0.11) - restriction: >= netstandard16
      System.Reflection (>= 4.1) - restriction: >= netstandard16
      System.Reflection.Extensions (>= 4.0.1) - restriction: >= netstandard16
      System.Resources.ResourceManager (>= 4.0.1) - restriction: >= netstandard16
      System.Runtime (>= 4.1) - restriction: >= netstandard16
      System.Runtime.Extensions (>= 4.1) - restriction: >= netstandard16
      System.Runtime.Numerics (>= 4.0.1) - restriction: >= netstandard16
      System.Text.RegularExpressions (>= 4.1) - restriction: >= netstandard16
      System.Threading (>= 4.0.11) - restriction: >= netstandard16
      System.Threading.Tasks (>= 4.0.11) - restriction: >= netstandard16
      System.Threading.Tasks.Parallel (>= 4.0.1) - restriction: >= netstandard16
      System.Threading.Thread (>= 4.0) - restriction: >= netstandard16
      System.Threading.ThreadPool (>= 4.0.10) - restriction: >= netstandard16
      System.Threading.Timer (>= 4.0.1) - restriction: >= netstandard16
      System.ValueTuple (>= 4.3) - restriction: || (== netstandard10) (== netstandard11) (== netstandard12) (== netstandard13) (== netstandard14) (== netstandard15) (>= net10)
    FsUnit (3.0)
      FSharp.Core (>= 3.1.2.5) - restriction: || (== netstandard10) (== netstandard11) (== netstandard12) (== netstandard13) (== netstandard14) (== netstandard15) (>= net10)
      FSharp.Core (>= 4.1) - restriction: >= netstandard16
      NETStandard.Library (>= 1.6) - restriction: >= netstandard16
      NUnit (>= 3.6)
    Microsoft.NETCore.Platforms (1.1) - restriction: || (>= net10) (>= netstandard10)
    Microsoft.NETCore.Targets (1.1) - restriction: || (>= net10) (>= netstandard10)
    Microsoft.Win32.Primitives (4.3) - restriction: >= netstandard16
      Microsoft.NETCore.Platforms (>= 1.1) - restriction: >= netstandard13
      Microsoft.NETCore.Targets (>= 1.1) - restriction: >= netstandard13
      System.Runtime (>= 4.3) - restriction: >= netstandard13
    NETStandard.Library (1.6.1) - restriction: >= netstandard16
      Microsoft.NETCore.Platforms (>= 1.1) - restriction: >= netstandard10
      Microsoft.Win32.Primitives (>= 4.3) - restriction: >= netstandard13
      System.AppContext (>= 4.3) - restriction: >= netstandard13
      System.Collections (>= 4.3) - restriction: >= netstandard10
      System.Collections.Concurrent (>= 4.3) - restriction: >= netstandard11
      System.Console (>= 4.3) - restriction: >= netstandard13
      System.Diagnostics.Debug (>= 4.3) - restriction: >= netstandard10
      System.Diagnostics.Tools (>= 4.3) - restriction: >= netstandard10
      System.Diagnostics.Tracing (>= 4.3) - restriction: >= netstandard11
      System.Globalization (>= 4.3) - restriction: >= netstandard10
      System.Globalization.Calendars (>= 4.3) - restriction: >= netstandard13
      System.IO (>= 4.3) - restriction: >= netstandard10
      System.IO.Compression (>= 4.3) - restriction: >= netstandard11
      System.IO.Compression.ZipFile (>= 4.3) - restriction: >= netstandard13
      System.IO.FileSystem (>= 4.3) - restriction: >= netstandard13
      System.IO.FileSystem.Primitives (>= 4.3) - restriction: >= netstandard13
      System.Linq (>= 4.3) - restriction: >= netstandard10
      System.Linq.Expressions (>= 4.3) - restriction: >= netstandard10
      System.Net.Http (>= 4.3) - restriction: >= netstandard11
      System.Net.Primitives (>= 4.3) - restriction: >= netstandard10
      System.Net.Sockets (>= 4.3) - restriction: >= netstandard13
      System.ObjectModel (>= 4.3) - restriction: >= netstandard10
      System.Reflection (>= 4.3) - restriction: >= netstandard10
      System.Reflection.Extensions (>= 4.3) - restriction: >= netstandard10
      System.Reflection.Primitives (>= 4.3) - restriction: >= netstandard10
      System.Resources.ResourceManager (>= 4.3) - restriction: >= netstandard10
      System.Runtime (>= 4.3) - restriction: >= netstandard10
      System.Runtime.Extensions (>= 4.3) - restriction: >= netstandard10
      System.Runtime.Handles (>= 4.3) - restriction: >= netstandard13
      System.Runtime.InteropServices (>= 4.3) - restriction: >= netstandard11
      System.Runtime.InteropServices.RuntimeInformation (>= 4.3) - restriction: >= netstandard11
      System.Runtime.Numerics (>= 4.3) - restriction: >= netstandard11
      System.Security.Cryptography.Algorithms (>= 4.3) - restriction: >= netstandard13
      System.Security.Cryptography.Encoding (>= 4.3) - restriction: >= netstandard13
      System.Security.Cryptography.Primitives (>= 4.3) - restriction: >= netstandard13
      System.Security.Cryptography.X509Certificates (>= 4.3) - restriction: >= netstandard13
      System.Text.Encoding (>= 4.3) - restriction: >= netstandard10
      System.Text.Encoding.Extensions (>= 4.3) - restriction: >= netstandard10
      System.Text.RegularExpressions (>= 4.3) - restriction: >= netstandard10
      System.Threading (>= 4.3) - restriction: >= netstandard10
      System.Threading.Tasks (>= 4.3) - restriction: >= netstandard10
      System.Threading.Timer (>= 4.3) - restriction: >= netstandard12
      System.Xml.ReaderWriter (>= 4.3) - restriction: >= netstandard10
      System.Xml.XDocument (>= 4.3) - restriction: >= netstandard10
    NUnit (3.6)
      NETStandard.Library (>= 1.6) - restriction: >= netstandard16
      System.Runtime.Loader (>= 4.0) - restriction: >= netstandard16
    NUnit.ConsoleRunner (3.6.1)
    runtime.debian.8-x64.runtime.native.System.Security.Cryptography.OpenSsl (4.3) - restriction: || (>= net10) (>= netstandard16)
    runtime.fedora.23-x64.runtime.native.System.Security.Cryptography.OpenSsl (4.3) - restriction: || (>= net10) (>= netstandard16)
    runtime.fedora.24-x64.runtime.native.System.Security.Cryptography.OpenSsl (4.3) - restriction: || (>= net10) (>= netstandard16)
    runtime.native.System (4.3) - restriction: || (>= net10) (>= netstandard16)
      Microsoft.NETCore.Platforms (>= 1.1)
      Microsoft.NETCore.Targets (>= 1.1)
    runtime.native.System.IO.Compression (4.3) - restriction: >= netstandard16
      Microsoft.NETCore.Platforms (>= 1.1)
      Microsoft.NETCore.Targets (>= 1.1)
    runtime.native.System.Net.Http (4.3) - restriction: || (>= net10) (>= netstandard16)
      Microsoft.NETCore.Platforms (>= 1.1)
      Microsoft.NETCore.Targets (>= 1.1)
    runtime.native.System.Security.Cryptography.Apple (4.3) - restriction: || (>= net10) (>= netstandard16)
      runtime.osx.10.10-x64.runtime.native.System.Security.Cryptography.Apple (>= 4.3)
    runtime.native.System.Security.Cryptography.OpenSsl (4.3) - restriction: || (>= net10) (>= netstandard16)
      runtime.debian.8-x64.runtime.native.System.Security.Cryptography.OpenSsl (>= 4.3)
      runtime.fedora.23-x64.runtime.native.System.Security.Cryptography.OpenSsl (>= 4.3)
      runtime.fedora.24-x64.runtime.native.System.Security.Cryptography.OpenSsl (>= 4.3)
      runtime.opensuse.13.2-x64.runtime.native.System.Security.Cryptography.OpenSsl (>= 4.3)
      runtime.opensuse.42.1-x64.runtime.native.System.Security.Cryptography.OpenSsl (>= 4.3)
      runtime.osx.10.10-x64.runtime.native.System.Security.Cryptography.OpenSsl (>= 4.3)
      runtime.rhel.7-x64.runtime.native.System.Security.Cryptography.OpenSsl (>= 4.3)
      runtime.ubuntu.14.04-x64.runtime.native.System.Security.Cryptography.OpenSsl (>= 4.3)
      runtime.ubuntu.16.04-x64.runtime.native.System.Security.Cryptography.OpenSsl (>= 4.3)
      runtime.ubuntu.16.10-x64.runtime.native.System.Security.Cryptography.OpenSsl (>= 4.3)
    runtime.opensuse.13.2-x64.runtime.native.System.Security.Cryptography.OpenSsl (4.3) - restriction: || (>= net10) (>= netstandard16)
    runtime.opensuse.42.1-x64.runtime.native.System.Security.Cryptography.OpenSsl (4.3) - restriction: || (>= net10) (>= netstandard16)
    runtime.osx.10.10-x64.runtime.native.System.Security.Cryptography.Apple (4.3) - restriction: || (>= net10) (>= netstandard16)
    runtime.osx.10.10-x64.runtime.native.System.Security.Cryptography.OpenSsl (4.3) - restriction: || (>= net10) (>= netstandard16)
    runtime.rhel.7-x64.runtime.native.System.Security.Cryptography.OpenSsl (4.3) - restriction: || (>= net10) (>= netstandard16)
    runtime.ubuntu.14.04-x64.runtime.native.System.Security.Cryptography.OpenSsl (4.3) - restriction: || (>= net10) (>= netstandard16)
    runtime.ubuntu.16.04-x64.runtime.native.System.Security.Cryptography.OpenSsl (4.3) - restriction: || (>= net10) (>= netstandard16)
    runtime.ubuntu.16.10-x64.runtime.native.System.Security.Cryptography.OpenSsl (4.3) - restriction: || (>= net10) (>= netstandard16)
    System.AppContext (4.3) - restriction: >= netstandard16
      System.Runtime (>= 4.3) - restriction: || (== dnxcore50) (== netstandard13) (>= netstandard16)
    System.Buffers (4.3) - restriction: >= netstandard16
      System.Diagnostics.Debug (>= 4.3) - restriction: >= netstandard11
      System.Diagnostics.Tracing (>= 4.3) - restriction: >= netstandard11
      System.Resources.ResourceManager (>= 4.3) - restriction: >= netstandard11
      System.Runtime (>= 4.3) - restriction: >= netstandard11
      System.Threading (>= 4.3) - restriction: >= netstandard11
    System.Collections (4.3) - restriction: || (>= net10) (>= netstandard10)
      Microsoft.NETCore.Platforms (>= 1.1) - restriction: || (== dnxcore50) (== netstandard10) (>= netstandard13)
      Microsoft.NETCore.Targets (>= 1.1) - restriction: || (== dnxcore50) (== netstandard10) (>= netstandard13)
      System.Runtime (>= 4.3) - restriction: || (== dnxcore50) (== netstandard10) (>= netstandard13)
    System.Collections.Concurrent (4.3) - restriction: || (>= net10) (>= netstandard16)
      System.Collections (>= 4.3) - restriction: || (== dnxcore50) (>= netstandard13)
      System.Diagnostics.Debug (>= 4.3) - restriction: || (== dnxcore50) (>= netstandard13)
      System.Diagnostics.Tracing (>= 4.3) - restriction: || (== dnxcore50) (>= netstandard13)
      System.Globalization (>= 4.3) - restriction: || (== dnxcore50) (>= netstandard13)
      System.Reflection (>= 4.3) - restriction: >= netstandard13
      System.Resources.ResourceManager (>= 4.3) - restriction: || (== dnxcore50) (>= netstandard13)
      System.Runtime (>= 4.3) - restriction: || (== dnxcore50) (== netstandard11) (>= netstandard13)
      System.Runtime.Extensions (>= 4.3) - restriction: || (== dnxcore50) (>= netstandard13)
      System.Threading (>= 4.3) - restriction: || (== dnxcore50) (>= netstandard13)
      System.Threading.Tasks (>= 4.3) - restriction: || (== dnxcore50) (== netstandard11) (>= netstandard13)
    System.Console (4.3) - restriction: || (>= net10) (>= netstandard16)
      Microsoft.NETCore.Platforms (>= 1.1) - restriction: >= netstandard13
      Microsoft.NETCore.Targets (>= 1.1) - restriction: >= netstandard13
      System.IO (>= 4.3) - restriction: >= netstandard13
      System.Runtime (>= 4.3) - restriction: >= netstandard13
      System.Text.Encoding (>= 4.3) - restriction: >= netstandard13
    System.Diagnostics.Debug (4.3) - restriction: || (>= net10) (>= netstandard16)
      Microsoft.NETCore.Platforms (>= 1.1) - restriction: || (== dnxcore50) (== netstandard10) (>= netstandard13)
      Microsoft.NETCore.Targets (>= 1.1) - restriction: || (== dnxcore50) (== netstandard10) (>= netstandard13)
      System.Runtime (>= 4.3) - restriction: || (== dnxcore50) (== netstandard10) (>= netstandard13)
    System.Diagnostics.DiagnosticSource (4.3) - restriction: || (>= net10) (>= netstandard16)
      System.Collections (>= 4.3) - restriction: || (== netstandard11) (>= netstandard13)
      System.Diagnostics.Tracing (>= 4.3) - restriction: || (== netstandard11) (>= netstandard13)
      System.Reflection (>= 4.3) - restriction: || (== netstandard11) (>= netstandard13)
      System.Runtime (>= 4.3) - restriction: || (== netstandard11) (>= netstandard13)
      System.Threading (>= 4.3) - restriction: || (== netstandard11) (>= netstandard13)
    System.Diagnostics.Tools (4.3) - restriction: || (>= net10) (>= netstandard16)
      Microsoft.NETCore.Platforms (>= 1.1) - restriction: || (== dnxcore50) (>= netstandard10)
      Microsoft.NETCore.Targets (>= 1.1) - restriction: || (== dnxcore50) (>= netstandard10)
      System.Runtime (>= 4.3) - restriction: || (== dnxcore50) (>= netstandard10)
    System.Diagnostics.Tracing (4.3) - restriction: || (>= net10) (>= netstandard16)
      Microsoft.NETCore.Platforms (>= 1.1) - restriction: || (== dnxcore50) (== netstandard11) (== netstandard12) (== netstandard13) (>= netstandard15)
      Microsoft.NETCore.Targets (>= 1.1) - restriction: || (== dnxcore50) (== netstandard11) (== netstandard12) (== netstandard13) (>= netstandard15)
      System.Runtime (>= 4.3) - restriction: || (== dnxcore50) (== netstandard11) (== netstandard12) (== netstandard13) (>= netstandard15)
    System.Globalization (4.3) - restriction: || (>= net10) (>= netstandard10)
      Microsoft.NETCore.Platforms (>= 1.1) - restriction: || (== dnxcore50) (== netstandard10) (>= netstandard13)
      Microsoft.NETCore.Targets (>= 1.1) - restriction: || (== dnxcore50) (== netstandard10) (>= netstandard13)
      System.Runtime (>= 4.3) - restriction: || (== dnxcore50) (== netstandard10) (>= netstandard13)
    System.Globalization.Calendars (4.3) - restriction: || (>= net46) (>= netstandard16)
      Microsoft.NETCore.Platforms (>= 1.1) - restriction: >= netstandard13
      Microsoft.NETCore.Targets (>= 1.1) - restriction: >= netstandard13
      System.Globalization (>= 4.3) - restriction: >= netstandard13
      System.Runtime (>= 4.3) - restriction: >= netstandard13
    System.Globalization.Extensions (4.3) - restriction: || (>= net10) (>= netstandard16)
      Microsoft.NETCore.Platforms (>= 1.1) - restriction: >= netstandard13
      System.Globalization (>= 4.3) - restriction: >= netstandard13
      System.Resources.ResourceManager (>= 4.3) - restriction: >= netstandard13
      System.Runtime (>= 4.3) - restriction: >= netstandard13
      System.Runtime.Extensions (>= 4.3) - restriction: >= netstandard13
      System.Runtime.InteropServices (>= 4.3) - restriction: >= netstandard13
    System.IO (4.3) - restriction: || (== netstandard10) (== netstandard13) (>= net10) (>= netstandard15)
      Microsoft.NETCore.Platforms (>= 1.1) - restriction: || (== dnxcore50) (== netstandard10) (== netstandard13) (>= netstandard15)
      Microsoft.NETCore.Targets (>= 1.1) - restriction: || (== dnxcore50) (== netstandard10) (== netstandard13) (>= netstandard15)
      System.Runtime (>= 4.3) - restriction: || (== dnxcore50) (== netstandard10) (== netstandard13) (>= netstandard15)
      System.Text.Encoding (>= 4.3) - restriction: || (== dnxcore50) (== netstandard10) (== netstandard13) (>= netstandard15)
      System.Threading.Tasks (>= 4.3) - restriction: || (== dnxcore50) (== netstandard10) (== netstandard13) (>= netstandard15)
    System.IO.Compression (4.3) - restriction: >= netstandard16
      Microsoft.NETCore.Platforms (>= 1.1) - restriction: >= netstandard13
      runtime.native.System (>= 4.3) - restriction: >= netstandard13
      runtime.native.System.IO.Compression (>= 4.3) - restriction: || (== dnxcore50) (>= netstandard13)
      System.Buffers (>= 4.3) - restriction: || (== dnxcore50) (>= netstandard13)
      System.Collections (>= 4.3) - restriction: || (== dnxcore50) (>= netstandard13)
      System.Diagnostics.Debug (>= 4.3) - restriction: || (== dnxcore50) (>= netstandard13)
      System.IO (>= 4.3) - restriction: || (== dnxcore50) (== netstandard11) (>= netstandard13)
      System.Resources.ResourceManager (>= 4.3) - restriction: || (== dnxcore50) (>= netstandard13)
      System.Runtime (>= 4.3) - restriction: || (== dnxcore50) (== netstandard11) (>= netstandard13)
      System.Runtime.Extensions (>= 4.3) - restriction: || (== dnxcore50) (>= netstandard13)
      System.Runtime.Handles (>= 4.3) - restriction: || (== dnxcore50) (>= netstandard13)
      System.Runtime.InteropServices (>= 4.3) - restriction: || (== dnxcore50) (>= netstandard13)
      System.Text.Encoding (>= 4.3) - restriction: || (== dnxcore50) (== netstandard11) (>= netstandard13)
      System.Threading (>= 4.3) - restriction: || (== dnxcore50) (>= netstandard13)
      System.Threading.Tasks (>= 4.3) - restriction: || (== dnxcore50) (>= netstandard13)
    System.IO.Compression.ZipFile (4.3) - restriction: >= netstandard16
      System.Buffers (>= 4.3) - restriction: >= netstandard13
      System.IO (>= 4.3) - restriction: >= netstandard13
      System.IO.Compression (>= 4.3) - restriction: >= netstandard13
      System.IO.FileSystem (>= 4.3) - restriction: >= netstandard13
      System.IO.FileSystem.Primitives (>= 4.3) - restriction: >= netstandard13
      System.Resources.ResourceManager (>= 4.3) - restriction: >= netstandard13
      System.Runtime (>= 4.3) - restriction: >= netstandard13
      System.Runtime.Extensions (>= 4.3) - restriction: >= netstandard13
      System.Text.Encoding (>= 4.3) - restriction: >= netstandard13
    System.IO.FileSystem (4.3) - restriction: || (>= net10) (>= netstandard16)
      Microsoft.NETCore.Platforms (>= 1.1) - restriction: >= netstandard13
      Microsoft.NETCore.Targets (>= 1.1) - restriction: >= netstandard13
      System.IO (>= 4.3) - restriction: >= netstandard13
      System.IO.FileSystem.Primitives (>= 4.3) - restriction: >= netstandard13
      System.Runtime (>= 4.3) - restriction: >= netstandard13
      System.Runtime.Handles (>= 4.3) - restriction: >= netstandard13
      System.Text.Encoding (>= 4.3) - restriction: >= netstandard13
      System.Threading.Tasks (>= 4.3) - restriction: >= netstandard13
    System.IO.FileSystem.Primitives (4.3) - restriction: || (>= net46) (>= netstandard16)
      System.Runtime (>= 4.3) - restriction: >= netstandard13
    System.Linq (4.3) - restriction: || (>= net10) (>= netstandard16)
      System.Collections (>= 4.3) - restriction: || (== dnxcore50) (== netstandard10) (>= netstandard16)
      System.Diagnostics.Debug (>= 4.3) - restriction: || (== dnxcore50) (>= netstandard16)
      System.Resources.ResourceManager (>= 4.3) - restriction: || (== dnxcore50) (>= netstandard16)
      System.Runtime (>= 4.3) - restriction: || (== dnxcore50) (== netstandard10) (>= netstandard16)
      System.Runtime.Extensions (>= 4.3) - restriction: || (== dnxcore50) (>= netstandard16)
    System.Linq.Expressions (4.3) - restriction: || (>= net10) (>= netstandard16)
      System.Collections (>= 4.3) - restriction: || (== dnxcore50) (>= netstandard16)
      System.Diagnostics.Debug (>= 4.3) - restriction: || (== dnxcore50) (>= netstandard16)
      System.Globalization (>= 4.3) - restriction: || (== dnxcore50) (>= netstandard16)
      System.IO (>= 4.3) - restriction: || (== dnxcore50) (>= netstandard16)
      System.Linq (>= 4.3) - restriction: || (== dnxcore50) (>= netstandard16)
      System.ObjectModel (>= 4.3) - restriction: >= netstandard16
      System.Reflection (>= 4.3) - restriction: || (== dnxcore50) (== netstandard10) (== netstandard13) (>= netstandard16)
      System.Reflection.Emit (>= 4.3) - restriction: >= netstandard16
      System.Reflection.Emit.ILGeneration (>= 4.3) - restriction: || (== dnxcore50) (>= netstandard16)
      System.Reflection.Emit.Lightweight (>= 4.3) - restriction: || (== dnxcore50) (>= netstandard16)
      System.Reflection.Extensions (>= 4.3) - restriction: || (== dnxcore50) (>= netstandard16)
      System.Reflection.Primitives (>= 4.3) - restriction: || (== dnxcore50) (>= netstandard16)
      System.Reflection.TypeExtensions (>= 4.3) - restriction: || (== dnxcore50) (>= netstandard16)
      System.Resources.ResourceManager (>= 4.3) - restriction: || (== dnxcore50) (>= netstandard16)
      System.Runtime (>= 4.3) - restriction: || (== dnxcore50) (== netstandard10) (== netstandard13) (>= netstandard16)
      System.Runtime.Extensions (>= 4.3) - restriction: || (== dnxcore50) (>= netstandard16)
      System.Threading (>= 4.3) - restriction: || (== dnxcore50) (>= netstandard16)
    System.Linq.Queryable (4.3) - restriction: || (>= net10) (>= netstandard16)
      System.Collections (>= 4.3) - restriction: || (== dnxcore50) (>= netstandard13)
      System.Diagnostics.Debug (>= 4.3) - restriction: || (== dnxcore50) (>= netstandard13)
      System.Linq (>= 4.3) - restriction: || (== dnxcore50) (== netstandard10) (>= netstandard13)
      System.Linq.Expressions (>= 4.3) - restriction: || (== dnxcore50) (== netstandard10) (>= netstandard13)
      System.Reflection (>= 4.3) - restriction: || (== dnxcore50) (>= netstandard13)
      System.Reflection.Extensions (>= 4.3) - restriction: || (== dnxcore50) (>= netstandard13)
      System.Resources.ResourceManager (>= 4.3) - restriction: || (== dnxcore50) (>= netstandard13)
      System.Runtime (>= 4.3) - restriction: || (== dnxcore50) (== netstandard10) (>= netstandard13)
    System.Net.Http (4.3.1) - restriction: || (>= net10) (>= netstandard16)
      Microsoft.NETCore.Platforms (>= 1.1) - restriction: || (== dnxcore50) (== netstandard13) (>= netstandard16)
      runtime.native.System (>= 4.3) - restriction: >= netstandard16
      runtime.native.System.Net.Http (>= 4.3) - restriction: >= netstandard16
      runtime.native.System.Security.Cryptography.OpenSsl (>= 4.3) - restriction: >= netstandard16
      System.Collections (>= 4.3) - restriction: || (== dnxcore50) (== netstandard13) (>= netstandard16)
      System.Diagnostics.Debug (>= 4.3) - restriction: || (== dnxcore50) (== netstandard13) (>= netstandard16)
      System.Diagnostics.DiagnosticSource (>= 4.3) - restriction: || (== dnxcore50) (== netstandard13) (>= netstandard16)
      System.Diagnostics.Tracing (>= 4.3) - restriction: || (== dnxcore50) (== netstandard13) (>= netstandard16)
      System.Globalization (>= 4.3) - restriction: || (== dnxcore50) (== netstandard13) (>= netstandard16)
      System.Globalization.Extensions (>= 4.3) - restriction: >= netstandard16
      System.IO (>= 4.3) - restriction: || (== dnxcore50) (== netstandard11) (== netstandard13) (>= netstandard16)
      System.IO.FileSystem (>= 4.3) - restriction: >= netstandard16
      System.Net.Primitives (>= 4.3) - restriction: || (== dnxcore50) (== netstandard11) (== netstandard13) (>= netstandard16)
      System.Resources.ResourceManager (>= 4.3) - restriction: || (== dnxcore50) (== netstandard13) (>= netstandard16)
      System.Runtime (>= 4.3) - restriction: || (== dnxcore50) (== netstandard11) (== netstandard13) (>= netstandard16)
      System.Runtime.Extensions (>= 4.3) - restriction: || (== dnxcore50) (== netstandard13) (>= netstandard16)
      System.Runtime.Handles (>= 4.3) - restriction: || (== netstandard13) (>= netstandard16)
      System.Runtime.InteropServices (>= 4.3) - restriction: || (== dnxcore50) (== netstandard13) (>= netstandard16)
      System.Security.Cryptography.Algorithms (>= 4.3) - restriction: >= netstandard16
      System.Security.Cryptography.Encoding (>= 4.3) - restriction: >= netstandard16
      System.Security.Cryptography.OpenSsl (>= 4.3) - restriction: >= netstandard16
      System.Security.Cryptography.Primitives (>= 4.3) - restriction: >= netstandard16
      System.Security.Cryptography.X509Certificates (>= 4.3) - restriction: || (== dnxcore50) (== netstandard13) (>= net46) (>= netstandard16)
      System.Text.Encoding (>= 4.3) - restriction: || (== dnxcore50) (== netstandard11) (== netstandard13) (>= netstandard16)
      System.Threading (>= 4.3) - restriction: || (== dnxcore50) (== netstandard13) (>= netstandard16)
      System.Threading.Tasks (>= 4.3) - restriction: || (== dnxcore50) (== netstandard11) (== netstandard13) (>= netstandard16)
    System.Net.Primitives (4.3) - restriction: || (>= net10) (>= netstandard16)
      Microsoft.NETCore.Platforms (>= 1.1) - restriction: || (== dnxcore50) (== netstandard10) (== netstandard11) (>= netstandard13)
      Microsoft.NETCore.Targets (>= 1.1) - restriction: || (== dnxcore50) (== netstandard10) (== netstandard11) (>= netstandard13)
      System.Runtime (>= 4.3) - restriction: || (== dnxcore50) (== netstandard10) (== netstandard11) (>= netstandard13)
      System.Runtime.Handles (>= 4.3) - restriction: || (== dnxcore50) (>= netstandard13)
    System.Net.Requests (4.3) - restriction: || (>= net10) (>= netstandard16)
      Microsoft.NETCore.Platforms (>= 1.1) - restriction: >= netstandard13
      System.Collections (>= 4.3) - restriction: || (== dnxcore50) (>= netstandard13)
      System.Diagnostics.Debug (>= 4.3) - restriction: || (== dnxcore50) (>= netstandard13)
      System.Diagnostics.Tracing (>= 4.3) - restriction: || (== dnxcore50) (>= netstandard13)
      System.Globalization (>= 4.3) - restriction: || (== dnxcore50) (>= netstandard13)
      System.IO (>= 4.3) - restriction: || (== dnxcore50) (== netstandard10) (== netstandard11) (>= netstandard13)
      System.Net.Http (>= 4.3) - restriction: || (== dnxcore50) (>= netstandard13)
      System.Net.Primitives (>= 4.3) - restriction: || (== dnxcore50) (== netstandard10) (== netstandard11) (>= netstandard13)
      System.Net.WebHeaderCollection (>= 4.3) - restriction: || (== dnxcore50) (>= netstandard13)
      System.Resources.ResourceManager (>= 4.3) - restriction: || (== dnxcore50) (>= netstandard13)
      System.Runtime (>= 4.3) - restriction: || (== dnxcore50) (== netstandard10) (== netstandard11) (>= netstandard13)
      System.Threading (>= 4.3) - restriction: || (== dnxcore50) (>= netstandard13)
      System.Threading.Tasks (>= 4.3) - restriction: || (== dnxcore50) (== netstandard11) (>= netstandard13)
    System.Net.Sockets (4.3) - restriction: >= netstandard16
      Microsoft.NETCore.Platforms (>= 1.1) - restriction: >= netstandard13
      Microsoft.NETCore.Targets (>= 1.1) - restriction: >= netstandard13
      System.IO (>= 4.3) - restriction: >= netstandard13
      System.Net.Primitives (>= 4.3) - restriction: >= netstandard13
      System.Runtime (>= 4.3) - restriction: >= netstandard13
      System.Threading.Tasks (>= 4.3) - restriction: >= netstandard13
    System.Net.WebHeaderCollection (4.3) - restriction: || (>= net10) (>= netstandard16)
      System.Collections (>= 4.3) - restriction: >= netstandard13
      System.Resources.ResourceManager (>= 4.3) - restriction: >= netstandard13
      System.Runtime (>= 4.3) - restriction: >= netstandard13
      System.Runtime.Extensions (>= 4.3) - restriction: >= netstandard13
    System.ObjectModel (4.3) - restriction: || (>= net10) (>= netstandard16)
      System.Collections (>= 4.3) - restriction: || (== dnxcore50) (>= netstandard13)
      System.Diagnostics.Debug (>= 4.3) - restriction: || (== dnxcore50) (>= netstandard13)
      System.Resources.ResourceManager (>= 4.3) - restriction: || (== dnxcore50) (>= netstandard13)
      System.Runtime (>= 4.3) - restriction: || (== dnxcore50) (== netstandard10) (>= netstandard13)
      System.Threading (>= 4.3) - restriction: || (== dnxcore50) (>= netstandard13)
    System.Reflection (4.3) - restriction: || (>= net10) (>= netstandard10)
      Microsoft.NETCore.Platforms (>= 1.1) - restriction: || (== dnxcore50) (== netstandard10) (== netstandard13) (>= netstandard15)
      Microsoft.NETCore.Targets (>= 1.1) - restriction: || (== dnxcore50) (== netstandard10) (== netstandard13) (>= netstandard15)
      System.IO (>= 4.3) - restriction: || (== dnxcore50) (== netstandard10) (== netstandard13) (>= netstandard15)
      System.Reflection.Primitives (>= 4.3) - restriction: || (== dnxcore50) (== netstandard10) (== netstandard13) (>= netstandard15)
      System.Runtime (>= 4.3) - restriction: || (== dnxcore50) (== netstandard10) (== netstandard13) (>= netstandard15)
    System.Reflection.Emit (4.3) - restriction: || (>= net10) (>= netstandard16)
      System.IO (>= 4.3) - restriction: >= netstandard11
      System.Reflection (>= 4.3) - restriction: >= netstandard11
      System.Reflection.Emit.ILGeneration (>= 4.3) - restriction: >= netstandard11
      System.Reflection.Primitives (>= 4.3) - restriction: >= netstandard11
      System.Runtime (>= 4.3) - restriction: >= netstandard11
    System.Reflection.Emit.ILGeneration (4.3) - restriction: || (>= net10) (>= netstandard16)
      System.Reflection (>= 4.3) - restriction: >= netstandard10
      System.Reflection.Primitives (>= 4.3) - restriction: >= netstandard10
      System.Runtime (>= 4.3) - restriction: >= netstandard10
    System.Reflection.Emit.Lightweight (4.3) - restriction: || (>= net10) (>= netstandard16)
      System.Reflection (>= 4.3) - restriction: >= netstandard10
      System.Reflection.Emit.ILGeneration (>= 4.3) - restriction: >= netstandard10
      System.Reflection.Primitives (>= 4.3) - restriction: >= netstandard10
      System.Runtime (>= 4.3) - restriction: >= netstandard10
    System.Reflection.Extensions (4.3) - restriction: || (>= net10) (>= netstandard16)
      Microsoft.NETCore.Platforms (>= 1.1) - restriction: || (== dnxcore50) (>= netstandard10)
      Microsoft.NETCore.Targets (>= 1.1) - restriction: || (== dnxcore50) (>= netstandard10)
      System.Reflection (>= 4.3) - restriction: || (== dnxcore50) (>= netstandard10)
      System.Runtime (>= 4.3) - restriction: || (== dnxcore50) (>= netstandard10)
    System.Reflection.Primitives (4.3) - restriction: || (== netstandard10) (== netstandard13) (>= net10) (>= netstandard15)
      Microsoft.NETCore.Platforms (>= 1.1) - restriction: || (== dnxcore50) (>= netstandard10)
      Microsoft.NETCore.Targets (>= 1.1) - restriction: || (== dnxcore50) (>= netstandard10)
      System.Runtime (>= 4.3) - restriction: || (== dnxcore50) (>= netstandard10)
    System.Reflection.TypeExtensions (4.3) - restriction: || (>= net10) (>= netstandard16)
      System.Reflection (>= 4.3) - restriction: || (== dnxcore50) (== netstandard13) (>= netstandard15)
      System.Runtime (>= 4.3) - restriction: || (== dnxcore50) (== netstandard13) (>= netstandard15)
    System.Resources.ResourceManager (4.3) - restriction: || (>= net10) (>= netstandard10)
      Microsoft.NETCore.Platforms (>= 1.1) - restriction: || (== dnxcore50) (>= netstandard10)
      Microsoft.NETCore.Targets (>= 1.1) - restriction: || (== dnxcore50) (>= netstandard10)
      System.Globalization (>= 4.3) - restriction: || (== dnxcore50) (>= netstandard10)
      System.Reflection (>= 4.3) - restriction: || (== dnxcore50) (>= netstandard10)
      System.Runtime (>= 4.3) - restriction: || (== dnxcore50) (>= netstandard10)
    System.Runtime (4.3) - restriction: || (>= net10) (>= netstandard10)
      Microsoft.NETCore.Platforms (>= 1.1) - restriction: || (== dnxcore50) (== netstandard10) (== netstandard12) (== netstandard13) (>= netstandard15)
      Microsoft.NETCore.Targets (>= 1.1) - restriction: || (== dnxcore50) (== netstandard10) (== netstandard12) (== netstandard13) (>= netstandard15)
    System.Runtime.Extensions (4.3) - restriction: || (>= net10) (>= netstandard16)
      Microsoft.NETCore.Platforms (>= 1.1) - restriction: || (== dnxcore50) (== netstandard10) (== netstandard13) (>= netstandard15)
      Microsoft.NETCore.Targets (>= 1.1) - restriction: || (== dnxcore50) (== netstandard10) (== netstandard13) (>= netstandard15)
      System.Runtime (>= 4.3) - restriction: || (== dnxcore50) (== netstandard10) (== netstandard13) (>= netstandard15)
    System.Runtime.Handles (4.3) - restriction: || (>= net10) (>= netstandard16)
      Microsoft.NETCore.Platforms (>= 1.1) - restriction: >= netstandard13
      Microsoft.NETCore.Targets (>= 1.1) - restriction: >= netstandard13
      System.Runtime (>= 4.3) - restriction: >= netstandard13
    System.Runtime.InteropServices (4.3) - restriction: || (>= net10) (>= netstandard16)
      Microsoft.NETCore.Platforms (>= 1.1) - restriction: || (== dnxcore50) (== netstandard11) (== netstandard12) (== netstandard13) (>= netstandard15)
      Microsoft.NETCore.Targets (>= 1.1) - restriction: || (== dnxcore50) (== netstandard11) (== netstandard12) (== netstandard13) (>= netstandard15)
      System.Reflection (>= 4.3) - restriction: || (== dnxcore50) (== netstandard11) (== netstandard12) (== netstandard13) (>= netstandard15)
      System.Reflection.Primitives (>= 4.3) - restriction: || (== dnxcore50) (== netstandard11) (== netstandard12) (== netstandard13) (>= netstandard15)
      System.Runtime (>= 4.3) - restriction: || (== dnxcore50) (== netstandard11) (== netstandard12) (== netstandard13) (>= netstandard15)
      System.Runtime.Handles (>= 4.3) - restriction: || (== dnxcore50) (== netstandard13) (>= netstandard15)
    System.Runtime.InteropServices.RuntimeInformation (4.3) - restriction: >= netstandard16
      runtime.native.System (>= 4.3) - restriction: >= netstandard11
      System.Reflection (>= 4.3) - restriction: || (== dnxcore50) (>= netstandard11)
      System.Reflection.Extensions (>= 4.3) - restriction: || (== dnxcore50) (>= netstandard11)
      System.Resources.ResourceManager (>= 4.3) - restriction: || (== dnxcore50) (>= netstandard11)
      System.Runtime (>= 4.3) - restriction: || (== dnxcore50) (>= netstandard11)
      System.Runtime.InteropServices (>= 4.3) - restriction: >= netstandard11
      System.Threading (>= 4.3) - restriction: || (== dnxcore50) (>= netstandard11)
    System.Runtime.Loader (4.3) - restriction: >= netstandard16
      System.IO (>= 4.3) - restriction: >= netstandard15
      System.Reflection (>= 4.3) - restriction: >= netstandard15
      System.Runtime (>= 4.3) - restriction: >= netstandard15
    System.Runtime.Numerics (4.3) - restriction: || (>= net10) (>= netstandard16)
      System.Globalization (>= 4.3) - restriction: || (== dnxcore50) (>= netstandard13)
      System.Resources.ResourceManager (>= 4.3) - restriction: || (== dnxcore50) (>= netstandard13)
      System.Runtime (>= 4.3) - restriction: || (== dnxcore50) (== netstandard11) (>= netstandard13)
      System.Runtime.Extensions (>= 4.3) - restriction: || (== dnxcore50) (>= netstandard13)
    System.Security.Cryptography.Algorithms (4.3) - restriction: || (>= net10) (>= netstandard16)
      Microsoft.NETCore.Platforms (>= 1.1) - restriction: || (== dnxcore50) (>= netstandard16)
      runtime.native.System.Security.Cryptography.Apple (>= 4.3) - restriction: >= netstandard16
      runtime.native.System.Security.Cryptography.OpenSsl (>= 4.3) - restriction: >= netstandard16
      System.Collections (>= 4.3) - restriction: >= netstandard16
      System.IO (>= 4.3) - restriction: || (== dnxcore50) (== netstandard13) (== netstandard14) (>= netstandard16)
      System.Resources.ResourceManager (>= 4.3) - restriction: || (== dnxcore50) (>= netstandard16)
      System.Runtime (>= 4.3) - restriction: || (== dnxcore50) (== netstandard13) (== netstandard14) (>= netstandard16)
      System.Runtime.Extensions (>= 4.3) - restriction: || (== dnxcore50) (>= netstandard16)
      System.Runtime.Handles (>= 4.3) - restriction: || (== dnxcore50) (>= netstandard16)
      System.Runtime.InteropServices (>= 4.3) - restriction: || (== dnxcore50) (>= netstandard16)
      System.Runtime.Numerics (>= 4.3) - restriction: >= netstandard16
      System.Security.Cryptography.Encoding (>= 4.3) - restriction: || (== dnxcore50) (>= netstandard16)
      System.Security.Cryptography.Primitives (>= 4.3) - restriction: || (== net46) (== dnxcore50) (== netstandard13) (== netstandard14) (>= netstandard16)
      System.Text.Encoding (>= 4.3) - restriction: || (== dnxcore50) (>= netstandard16)
    System.Security.Cryptography.Cng (4.3) - restriction: || (>= net46) (>= netstandard16)
      Microsoft.NETCore.Platforms (>= 1.1) - restriction: || (== netstandard14) (>= netstandard16)
      System.IO (>= 4.3) - restriction: || (== netstandard13) (== netstandard14) (>= netstandard16)
      System.Resources.ResourceManager (>= 4.3) - restriction: || (== netstandard14) (>= netstandard16)
      System.Runtime (>= 4.3) - restriction: || (== netstandard13) (== netstandard14) (>= netstandard16)
      System.Runtime.Extensions (>= 4.3) - restriction: || (== netstandard14) (>= netstandard16)
      System.Runtime.Handles (>= 4.3) - restriction: || (== netstandard13) (== netstandard14) (>= netstandard16)
      System.Runtime.InteropServices (>= 4.3) - restriction: || (== netstandard14) (>= netstandard16)
      System.Security.Cryptography.Algorithms (>= 4.3) - restriction: || (== net46) (== netstandard13) (== netstandard14) (>= netstandard16)
      System.Security.Cryptography.Encoding (>= 4.3) - restriction: || (== netstandard14) (>= netstandard16)
      System.Security.Cryptography.Primitives (>= 4.3) - restriction: || (== net46) (== netstandard13) (== netstandard14) (>= netstandard16)
      System.Text.Encoding (>= 4.3) - restriction: || (== netstandard14) (>= netstandard16)
    System.Security.Cryptography.Csp (4.3) - restriction: || (>= net46) (>= netstandard16)
      Microsoft.NETCore.Platforms (>= 1.1) - restriction: >= netstandard13
      System.IO (>= 4.3) - restriction: >= netstandard13
      System.Reflection (>= 4.3) - restriction: >= netstandard13
      System.Resources.ResourceManager (>= 4.3) - restriction: >= netstandard13
      System.Runtime (>= 4.3) - restriction: >= netstandard13
      System.Runtime.Extensions (>= 4.3) - restriction: >= netstandard13
      System.Runtime.Handles (>= 4.3) - restriction: >= netstandard13
      System.Runtime.InteropServices (>= 4.3) - restriction: >= netstandard13
      System.Security.Cryptography.Algorithms (>= 4.3) - restriction: >= netstandard13
      System.Security.Cryptography.Encoding (>= 4.3) - restriction: >= netstandard13
      System.Security.Cryptography.Primitives (>= 4.3) - restriction: >= netstandard13
      System.Text.Encoding (>= 4.3) - restriction: >= netstandard13
      System.Threading (>= 4.3) - restriction: >= netstandard13
    System.Security.Cryptography.Encoding (4.3) - restriction: || (>= net10) (>= netstandard16)
      Microsoft.NETCore.Platforms (>= 1.1) - restriction: >= netstandard13
      runtime.native.System.Security.Cryptography.OpenSsl (>= 4.3) - restriction: >= netstandard13
      System.Collections (>= 4.3) - restriction: >= netstandard13
      System.Collections.Concurrent (>= 4.3) - restriction: >= netstandard13
      System.Linq (>= 4.3) - restriction: >= netstandard13
      System.Resources.ResourceManager (>= 4.3) - restriction: >= netstandard13
      System.Runtime (>= 4.3) - restriction: >= netstandard13
      System.Runtime.Extensions (>= 4.3) - restriction: >= netstandard13
      System.Runtime.Handles (>= 4.3) - restriction: >= netstandard13
      System.Runtime.InteropServices (>= 4.3) - restriction: >= netstandard13
      System.Security.Cryptography.Primitives (>= 4.3) - restriction: >= netstandard13
      System.Text.Encoding (>= 4.3) - restriction: >= netstandard13
    System.Security.Cryptography.OpenSsl (4.3) - restriction: || (>= net10) (>= netstandard16)
      runtime.native.System.Security.Cryptography.OpenSsl (>= 4.3) - restriction: || (== monoandroid) (== monotouch) (== xamarinios) (== xamarinmac) (>= netstandard16)
      System.Collections (>= 4.3) - restriction: >= netstandard16
      System.IO (>= 4.3) - restriction: >= netstandard16
      System.Resources.ResourceManager (>= 4.3) - restriction: >= netstandard16
      System.Runtime (>= 4.3) - restriction: >= netstandard16
      System.Runtime.Extensions (>= 4.3) - restriction: >= netstandard16
      System.Runtime.Handles (>= 4.3) - restriction: >= netstandard16
      System.Runtime.InteropServices (>= 4.3) - restriction: >= netstandard16
      System.Runtime.Numerics (>= 4.3) - restriction: >= netstandard16
      System.Security.Cryptography.Algorithms (>= 4.3) - restriction: >= netstandard16
      System.Security.Cryptography.Encoding (>= 4.3) - restriction: >= netstandard16
      System.Security.Cryptography.Primitives (>= 4.3) - restriction: >= netstandard16
      System.Text.Encoding (>= 4.3) - restriction: >= netstandard16
    System.Security.Cryptography.Primitives (4.3) - restriction: || (>= net10) (>= netstandard16)
      System.Diagnostics.Debug (>= 4.3) - restriction: >= netstandard13
      System.Globalization (>= 4.3) - restriction: >= netstandard13
      System.IO (>= 4.3) - restriction: >= netstandard13
      System.Resources.ResourceManager (>= 4.3) - restriction: >= netstandard13
      System.Runtime (>= 4.3) - restriction: >= netstandard13
      System.Threading (>= 4.3) - restriction: >= netstandard13
      System.Threading.Tasks (>= 4.3) - restriction: >= netstandard13
    System.Security.Cryptography.X509Certificates (4.3) - restriction: || (>= net46) (>= netstandard16)
      Microsoft.NETCore.Platforms (>= 1.1) - restriction: || (== dnxcore50) (>= netstandard16)
      runtime.native.System (>= 4.3) - restriction: >= netstandard16
      runtime.native.System.Net.Http (>= 4.3) - restriction: >= netstandard16
      runtime.native.System.Security.Cryptography.OpenSsl (>= 4.3) - restriction: >= netstandard16
      System.Collections (>= 4.3) - restriction: || (== dnxcore50) (>= netstandard16)
      System.Diagnostics.Debug (>= 4.3) - restriction: >= netstandard16
      System.Globalization (>= 4.3) - restriction: || (== dnxcore50) (>= netstandard16)
      System.Globalization.Calendars (>= 4.3) - restriction: || (== dnxcore50) (>= netstandard16)
      System.IO (>= 4.3) - restriction: || (== dnxcore50) (>= netstandard16)
      System.IO.FileSystem (>= 4.3) - restriction: || (== dnxcore50) (>= netstandard16)
      System.IO.FileSystem.Primitives (>= 4.3) - restriction: >= netstandard16
      System.Resources.ResourceManager (>= 4.3) - restriction: || (== dnxcore50) (>= netstandard16)
      System.Runtime (>= 4.3) - restriction: || (== dnxcore50) (== netstandard13) (== netstandard14) (>= netstandard16)
      System.Runtime.Extensions (>= 4.3) - restriction: || (== dnxcore50) (>= netstandard16)
      System.Runtime.Handles (>= 4.3) - restriction: || (== dnxcore50) (== netstandard13) (== netstandard14) (>= netstandard16)
      System.Runtime.InteropServices (>= 4.3) - restriction: || (== dnxcore50) (>= netstandard16)
      System.Runtime.Numerics (>= 4.3) - restriction: || (== dnxcore50) (>= netstandard16)
      System.Security.Cryptography.Algorithms (>= 4.3) - restriction: || (== net46) (== dnxcore50) (== netstandard13) (== netstandard14) (>= netstandard16)
      System.Security.Cryptography.Cng (>= 4.3) - restriction: || (== dnxcore50) (>= netstandard16)
      System.Security.Cryptography.Csp (>= 4.3) - restriction: >= netstandard16
      System.Security.Cryptography.Encoding (>= 4.3) - restriction: || (== net46) (== dnxcore50) (== netstandard13) (== netstandard14) (>= netstandard16)
      System.Security.Cryptography.OpenSsl (>= 4.3) - restriction: >= netstandard16
      System.Security.Cryptography.Primitives (>= 4.3) - restriction: || (== dnxcore50) (>= netstandard16)
      System.Text.Encoding (>= 4.3) - restriction: || (== dnxcore50) (>= netstandard16)
      System.Threading (>= 4.3) - restriction: || (== dnxcore50) (>= netstandard16)
    System.Text.Encoding (4.3) - restriction: || (== netstandard10) (== netstandard13) (>= net10) (>= netstandard15)
      Microsoft.NETCore.Platforms (>= 1.1) - restriction: || (== dnxcore50) (== netstandard10) (>= netstandard13)
      Microsoft.NETCore.Targets (>= 1.1) - restriction: || (== dnxcore50) (== netstandard10) (>= netstandard13)
      System.Runtime (>= 4.3) - restriction: || (== dnxcore50) (== netstandard10) (>= netstandard13)
    System.Text.Encoding.Extensions (4.3) - restriction: >= netstandard16
      Microsoft.NETCore.Platforms (>= 1.1) - restriction: || (== dnxcore50) (== netstandard10) (>= netstandard13)
      Microsoft.NETCore.Targets (>= 1.1) - restriction: || (== dnxcore50) (== netstandard10) (>= netstandard13)
      System.Runtime (>= 4.3) - restriction: || (== dnxcore50) (== netstandard10) (>= netstandard13)
      System.Text.Encoding (>= 4.3) - restriction: || (== dnxcore50) (== netstandard10) (>= netstandard13)
    System.Text.RegularExpressions (4.3) - restriction: || (>= net10) (>= netstandard16)
      System.Collections (>= 4.3) - restriction: || (== dnxcore50) (>= netstandard16)
      System.Globalization (>= 4.3) - restriction: || (== dnxcore50) (>= netstandard16)
      System.Resources.ResourceManager (>= 4.3) - restriction: || (== dnxcore50) (>= netstandard16)
      System.Runtime (>= 4.3) - restriction: || (== dnxcore50) (== netstandard10) (== netstandard13) (>= netstandard16)
      System.Runtime.Extensions (>= 4.3) - restriction: || (== dnxcore50) (>= netstandard16)
      System.Threading (>= 4.3) - restriction: || (== dnxcore50) (>= netstandard16)
    System.Threading (4.3) - restriction: || (>= net10) (>= netstandard16)
      System.Runtime (>= 4.3) - restriction: || (== dnxcore50) (== netstandard10) (>= netstandard13)
      System.Threading.Tasks (>= 4.3) - restriction: || (== dnxcore50) (== netstandard10) (>= netstandard13)
    System.Threading.Tasks (4.3) - restriction: || (== netstandard10) (== netstandard13) (>= net10) (>= netstandard15)
      Microsoft.NETCore.Platforms (>= 1.1) - restriction: || (== dnxcore50) (== netstandard10) (>= netstandard13)
      Microsoft.NETCore.Targets (>= 1.1) - restriction: || (== dnxcore50) (== netstandard10) (>= netstandard13)
      System.Runtime (>= 4.3) - restriction: || (== dnxcore50) (== netstandard10) (>= netstandard13)
    System.Threading.Tasks.Extensions (4.3) - restriction: >= netstandard16
      System.Collections (>= 4.3) - restriction: >= netstandard10
      System.Runtime (>= 4.3) - restriction: >= netstandard10
      System.Threading.Tasks (>= 4.3) - restriction: >= netstandard10
    System.Threading.Tasks.Parallel (4.3) - restriction: || (>= net10) (>= netstandard16)
      System.Collections.Concurrent (>= 4.3) - restriction: || (== dnxcore50) (== netstandard11) (>= netstandard13)
      System.Diagnostics.Debug (>= 4.3) - restriction: || (== dnxcore50) (>= netstandard13)
      System.Diagnostics.Tracing (>= 4.3) - restriction: || (== dnxcore50) (>= netstandard13)
      System.Resources.ResourceManager (>= 4.3) - restriction: || (== dnxcore50) (>= netstandard13)
      System.Runtime (>= 4.3) - restriction: || (== dnxcore50) (== netstandard11) (>= netstandard13)
      System.Runtime.Extensions (>= 4.3) - restriction: || (== dnxcore50) (>= netstandard13)
      System.Threading (>= 4.3) - restriction: || (== dnxcore50) (>= netstandard13)
      System.Threading.Tasks (>= 4.3) - restriction: || (== dnxcore50) (== netstandard11) (>= netstandard13)
    System.Threading.Thread (4.3) - restriction: || (>= net10) (>= netstandard16)
      System.Runtime (>= 4.3) - restriction: >= netstandard13
    System.Threading.ThreadPool (4.3) - restriction: || (>= net10) (>= netstandard16)
      System.Runtime (>= 4.3) - restriction: >= netstandard13
      System.Runtime.Handles (>= 4.3) - restriction: >= netstandard13
    System.Threading.Timer (4.3) - restriction: || (>= net10) (>= netstandard16)
      Microsoft.NETCore.Platforms (>= 1.1) - restriction: || (== dnxcore50) (>= netstandard12)
      Microsoft.NETCore.Targets (>= 1.1) - restriction: || (== dnxcore50) (>= netstandard12)
      System.Runtime (>= 4.3) - restriction: || (== dnxcore50) (>= netstandard12)
    System.ValueTuple (4.3) - restriction: || (== netstandard10) (== netstandard11) (== netstandard12) (== netstandard13) (== netstandard14) (== netstandard15) (>= net10)
      System.Collections (>= 4.3) - restriction: >= netstandard10
      System.Resources.ResourceManager (>= 4.3) - restriction: >= netstandard10
      System.Runtime (>= 4.3) - restriction: >= netstandard10
    System.Xml.ReaderWriter (4.3) - restriction: >= netstandard16
      System.Collections (>= 4.3) - restriction: || (== dnxcore50) (>= netstandard13)
      System.Diagnostics.Debug (>= 4.3) - restriction: || (== dnxcore50) (>= netstandard13)
      System.Globalization (>= 4.3) - restriction: || (== dnxcore50) (>= netstandard13)
      System.IO (>= 4.3) - restriction: || (== dnxcore50) (== netstandard10) (>= netstandard13)
      System.IO.FileSystem (>= 4.3) - restriction: || (== dnxcore50) (>= netstandard13)
      System.IO.FileSystem.Primitives (>= 4.3) - restriction: || (== dnxcore50) (>= netstandard13)
      System.Resources.ResourceManager (>= 4.3) - restriction: || (== dnxcore50) (>= netstandard13)
      System.Runtime (>= 4.3) - restriction: || (== dnxcore50) (== netstandard10) (>= netstandard13)
      System.Runtime.Extensions (>= 4.3) - restriction: || (== dnxcore50) (>= netstandard13)
      System.Runtime.InteropServices (>= 4.3) - restriction: || (== dnxcore50) (>= netstandard13)
      System.Text.Encoding (>= 4.3) - restriction: || (== dnxcore50) (== netstandard10) (>= netstandard13)
      System.Text.Encoding.Extensions (>= 4.3) - restriction: || (== dnxcore50) (>= netstandard13)
      System.Text.RegularExpressions (>= 4.3) - restriction: || (== dnxcore50) (>= netstandard13)
      System.Threading.Tasks (>= 4.3) - restriction: || (== dnxcore50) (== netstandard10) (>= netstandard13)
      System.Threading.Tasks.Extensions (>= 4.3) - restriction: || (== dnxcore50) (>= netstandard13)
    System.Xml.XDocument (4.3) - restriction: >= netstandard16
      System.Collections (>= 4.3) - restriction: || (== dnxcore50) (>= netstandard13)
      System.Diagnostics.Debug (>= 4.3) - restriction: || (== dnxcore50) (>= netstandard13)
      System.Diagnostics.Tools (>= 4.3) - restriction: || (== dnxcore50) (>= netstandard13)
      System.Globalization (>= 4.3) - restriction: || (== dnxcore50) (>= netstandard13)
      System.IO (>= 4.3) - restriction: || (== dnxcore50) (== netstandard10) (>= netstandard13)
      System.Reflection (>= 4.3) - restriction: || (== dnxcore50) (>= netstandard13)
      System.Resources.ResourceManager (>= 4.3) - restriction: || (== dnxcore50) (>= netstandard13)
      System.Runtime (>= 4.3) - restriction: || (== dnxcore50) (== netstandard10) (>= netstandard13)
      System.Runtime.Extensions (>= 4.3) - restriction: || (== dnxcore50) (>= netstandard13)
      System.Text.Encoding (>= 4.3) - restriction: || (== dnxcore50) (>= netstandard13)
      System.Threading (>= 4.3) - restriction: || (== dnxcore50) (>= netstandard13)
      System.Xml.ReaderWriter (>= 4.3) - restriction: || (== dnxcore50) (== netstandard10) (>= netstandard13)
