STORAGE: NONE
RESTRICTION: || (== net6.0) (== net7.0) (== netstandard2.1)
NUGET
  remote: https://api.nuget.org/v3/index.json
    CommandLineParser (2.9.1)
    FSharp.Compiler.Service (43.7.200)
      FSharp.Core (7.0.200)
      System.Buffers (>= 4.5.1)
      System.Collections.Immutable (>= 6.0)
      System.Diagnostics.DiagnosticSource (>= 6.0)
      System.Memory (>= 4.5.5)
      System.Reflection.Emit (>= 4.7)
      System.Reflection.Metadata (>= 6.0)
      System.Runtime.CompilerServices.Unsafe (>= 6.0)
    FSharp.Core (7.0.200)
    FSharp.Data (3.3.3)
      FSharp.Core (>= 4.3.4)
    FsUnit (3.9)
      FSharp.Core (>= 4.2.3)
      NETStandard.Library (>= 2.0.3)
      NUnit (>= 3.12 < 4.0)
    Ionide.ProjInfo (0.61.2)
      FSharp.Core (>= 6.0.5) - restriction: || (== net6.0) (== net7.0) (&& (== netstandard2.1) (>= net6.0))
      Ionide.ProjInfo.Sln (>= 0.61.2) - restriction: || (== net6.0) (== net7.0) (&& (== netstandard2.1) (>= net6.0))
      Microsoft.Build (>= 17.2) - restriction: || (== net6.0) (== net7.0) (&& (== netstandard2.1) (>= net6.0))
      Microsoft.Build.Framework (>= 17.2) - restriction: || (== net6.0) (== net7.0) (&& (== netstandard2.1) (>= net6.0))
      SemanticVersioning (>= 2.0.2) - restriction: || (== net6.0) (== net7.0) (&& (== netstandard2.1) (>= net6.0))
    Ionide.ProjInfo.Sln (0.61.2)
    Microsoft.Build (17.5) - copy_local: false
      Microsoft.Build.Framework (>= 17.5) - restriction: || (&& (== net6.0) (>= net472)) (&& (== net6.0) (>= net7.0)) (== net7.0) (&& (== netstandard2.1) (>= net472)) (&& (== netstandard2.1) (>= net7.0))
      Microsoft.NET.StringTools (>= 17.5) - restriction: || (&& (== net6.0) (>= net472)) (&& (== net6.0) (>= net7.0)) (== net7.0) (&& (== netstandard2.1) (>= net472)) (&& (== netstandard2.1) (>= net7.0))
      System.Collections.Immutable (>= 6.0) - restriction: || (&& (== net6.0) (>= net472)) (&& (== net6.0) (>= net7.0)) (== net7.0) (&& (== netstandard2.1) (>= net472)) (&& (== netstandard2.1) (>= net7.0))
      System.Configuration.ConfigurationManager (>= 6.0) - restriction: || (&& (== net6.0) (>= net472)) (&& (== net6.0) (>= net7.0)) (== net7.0) (&& (== netstandard2.1) (>= net472)) (&& (== netstandard2.1) (>= net7.0))
      System.Reflection.Metadata (>= 6.0) - restriction: || (&& (== net6.0) (>= net7.0)) (== net7.0) (&& (== netstandard2.1) (>= net7.0))
      System.Reflection.MetadataLoadContext (>= 6.0) - restriction: || (&& (== net6.0) (>= net472)) (&& (== net6.0) (>= net7.0)) (== net7.0) (&& (== netstandard2.1) (>= net472)) (&& (== netstandard2.1) (>= net7.0))
      System.Security.Principal.Windows (>= 5.0) - restriction: || (&& (== net6.0) (>= net7.0)) (== net7.0) (&& (== netstandard2.1) (>= net7.0))
      System.Text.Encoding.CodePages (>= 6.0) - restriction: || (&& (== net6.0) (>= net7.0)) (== net7.0) (&& (== netstandard2.1) (>= net7.0))
      System.Text.Json (>= 6.0) - restriction: || (&& (== net6.0) (>= net472)) (&& (== net6.0) (>= net7.0)) (== net7.0) (&& (== netstandard2.1) (>= net472)) (&& (== netstandard2.1) (>= net7.0))
      System.Threading.Tasks.Dataflow (>= 6.0) - restriction: || (&& (== net6.0) (>= net472)) (&& (== net6.0) (>= net7.0)) (== net7.0) (&& (== netstandard2.1) (>= net472)) (&& (== netstandard2.1) (>= net7.0))
    Microsoft.Build.Framework (17.5) - copy_local: false
      Microsoft.Win32.Registry (>= 5.0) - restriction: || (== net6.0) (== netstandard2.1)
      System.Security.Permissions (>= 6.0)
    Microsoft.Build.Tasks.Core (17.5) - copy_local: false
      Microsoft.Build.Framework (>= 17.5)
      Microsoft.Build.Utilities.Core (>= 17.5)
      Microsoft.NET.StringTools (>= 17.5)
      Microsoft.Win32.Registry (>= 5.0) - restriction: || (== net6.0) (== netstandard2.1)
      System.CodeDom (>= 6.0)
      System.Collections.Immutable (>= 6.0)
      System.Reflection.Metadata (>= 6.0)
      System.Resources.Extensions (>= 6.0)
      System.Security.Cryptography.Pkcs (>= 6.0.1)
      System.Security.Cryptography.Xml (>= 6.0.1)
      System.Security.Permissions (>= 6.0)
      System.Threading.Tasks.Dataflow (>= 6.0)
    Microsoft.Build.Utilities.Core (17.5) - copy_local: false
      Microsoft.Build.Framework (>= 17.5)
      Microsoft.NET.StringTools (>= 17.5)
      Microsoft.Win32.Registry (>= 5.0) - restriction: || (== net6.0) (== netstandard2.1)
      System.Collections.Immutable (>= 6.0)
      System.Configuration.ConfigurationManager (>= 6.0)
      System.Security.Permissions (>= 6.0) - restriction: || (== net6.0) (== netstandard2.1)
      System.Text.Encoding.CodePages (>= 6.0) - restriction: || (== net6.0) (== netstandard2.1)
    Microsoft.CodeAnalysis.Analyzers (3.3.3)
    Microsoft.CodeAnalysis.Common (3.11)
      Microsoft.CodeAnalysis.Analyzers (>= 3.3.2)
      System.Collections.Immutable (>= 5.0)
      System.Memory (>= 4.5.4)
      System.Reflection.Metadata (>= 5.0)
      System.Runtime.CompilerServices.Unsafe (>= 5.0)
      System.Text.Encoding.CodePages (>= 4.5.1)
      System.Threading.Tasks.Extensions (>= 4.5.4)
    Microsoft.CodeAnalysis.CSharp (3.11)
      Microsoft.CodeAnalysis.Common (3.11)
    Microsoft.CodeCoverage (17.5) - restriction: || (== net6.0) (== net7.0) (&& (== netstandard2.1) (>= net462)) (&& (== netstandard2.1) (>= netcoreapp3.1))
    Microsoft.NET.StringTools (17.5) - copy_local: false
    Microsoft.NET.Test.Sdk (17.5)
      Microsoft.CodeCoverage (>= 17.5) - restriction: || (== net6.0) (== net7.0) (&& (== netstandard2.1) (>= net462)) (&& (== netstandard2.1) (>= netcoreapp3.1))
      Microsoft.TestPlatform.TestHost (>= 17.5) - restriction: || (== net6.0) (== net7.0) (&& (== netstandard2.1) (>= netcoreapp3.1))
    Microsoft.NETCore.Platforms (6.0.5)
    Microsoft.TestPlatform.ObjectModel (17.5) - restriction: || (== net6.0) (== net7.0) (&& (== netstandard2.1) (>= netcoreapp3.1))
      NuGet.Frameworks (>= 5.11)
      System.Reflection.Metadata (>= 1.6)
    Microsoft.TestPlatform.TestHost (17.5) - restriction: || (== net6.0) (== net7.0) (&& (== netstandard2.1) (>= netcoreapp3.1))
      Microsoft.TestPlatform.ObjectModel (>= 17.5) - restriction: || (== net6.0) (== net7.0) (&& (== netstandard2.1) (>= netcoreapp3.1))
      Newtonsoft.Json (>= 13.0.1) - restriction: || (== net6.0) (== net7.0) (&& (== netstandard2.1) (>= netcoreapp3.1))
    Microsoft.Win32.Registry (5.0) - copy_local: false, restriction: || (== net6.0) (== netstandard2.1)
      System.Buffers (>= 4.5.1) - restriction: || (&& (== net6.0) (>= monoandroid) (< netstandard1.3)) (&& (== net6.0) (>= monotouch)) (&& (== net6.0) (< netcoreapp2.0)) (&& (== net6.0) (>= xamarinios)) (&& (== net6.0) (>= xamarinmac)) (&& (== net6.0) (>= xamarintvos)) (&& (== net6.0) (>= xamarinwatchos)) (&& (== net7.0) (>= monoandroid) (< netstandard1.3)) (&& (== net7.0) (>= monotouch)) (&& (== net7.0) (< netcoreapp2.0)) (&& (== net7.0) (>= xamarinios)) (&& (== net7.0) (>= xamarinmac)) (&& (== net7.0) (>= xamarintvos)) (&& (== net7.0) (>= xamarinwatchos)) (== netstandard2.1)
      System.Memory (>= 4.5.4) - restriction: || (&& (== net6.0) (< netcoreapp2.0)) (&& (== net6.0) (< netcoreapp2.1)) (&& (== net6.0) (>= uap10.1)) (&& (== net7.0) (< netcoreapp2.0)) (&& (== net7.0) (< netcoreapp2.1)) (&& (== net7.0) (>= uap10.1)) (== netstandard2.1)
      System.Security.AccessControl (>= 5.0)
      System.Security.Principal.Windows (>= 5.0)
    Microsoft.Win32.SystemEvents (6.0.1) - copy_local: false, restriction: || (== net6.0) (== net7.0) (&& (== netstandard2.1) (>= netcoreapp3.1))
    NETStandard.Library (2.0.3)
      Microsoft.NETCore.Platforms (>= 1.1)
    Newtonsoft.Json (13.0.3)
    NuGet.Frameworks (6.3) - restriction: || (== net6.0) (== net7.0) (&& (== netstandard2.1) (>= netcoreapp3.1))
    NUnit (3.13.3)
      NETStandard.Library (>= 2.0)
    NUnit3TestAdapter (4.4.2)
    SemanticVersioning (2.0.2) - restriction: || (== net6.0) (== net7.0) (&& (== netstandard2.1) (>= net6.0))
    Suave (2.6.2)
      FSharp.Core
    System.Buffers (4.5.1)
    System.CodeDom (6.0) - copy_local: false
    System.Collections.Immutable (6.0)
      System.Memory (>= 4.5.4) - restriction: || (&& (== net6.0) (>= net461)) (&& (== net7.0) (>= net461)) (&& (== net7.0) (< net6.0)) (== netstandard2.1)
      System.Runtime.CompilerServices.Unsafe (>= 6.0)
    System.Configuration.ConfigurationManager (6.0) - copy_local: false
      System.Security.Cryptography.ProtectedData (>= 6.0)
      System.Security.Permissions (>= 6.0)
    System.Diagnostics.DiagnosticSource (7.0.1)
      System.Memory (>= 4.5.5) - restriction: || (&& (== net6.0) (>= net462)) (&& (== net7.0) (>= net462)) (&& (== net7.0) (< net6.0)) (== netstandard2.1)
      System.Runtime.CompilerServices.Unsafe (>= 6.0) - restriction: || (== net6.0) (&& (== net7.0) (>= net462)) (&& (== net7.0) (< net6.0)) (== netstandard2.1)
    System.Drawing.Common (6.0) - copy_local: false, restriction: || (== net6.0) (== net7.0) (&& (== netstandard2.1) (>= netcoreapp3.1))
      Microsoft.Win32.SystemEvents (>= 6.0) - restriction: || (== net6.0) (== net7.0) (&& (== netstandard2.1) (>= netcoreapp3.1))
    System.Formats.Asn1 (6.0) - copy_local: false
      System.Buffers (>= 4.5.1) - restriction: || (&& (== net6.0) (>= net461)) (&& (== net7.0) (>= net461)) (&& (== net7.0) (< net6.0)) (== netstandard2.1)
      System.Memory (>= 4.5.4) - restriction: || (&& (== net6.0) (>= net461)) (&& (== net7.0) (>= net461)) (&& (== net7.0) (< net6.0)) (== netstandard2.1)
    System.Memory (4.5.5)
      System.Buffers (>= 4.5.1) - restriction: || (&& (== net6.0) (>= monotouch)) (&& (== net6.0) (>= net461)) (&& (== net6.0) (< netcoreapp2.0)) (&& (== net6.0) (< netstandard1.1)) (&& (== net6.0) (< netstandard2.0)) (&& (== net6.0) (>= xamarinios)) (&& (== net6.0) (>= xamarinmac)) (&& (== net6.0) (>= xamarintvos)) (&& (== net6.0) (>= xamarinwatchos)) (&& (== net7.0) (>= monotouch)) (&& (== net7.0) (>= net461)) (&& (== net7.0) (< netcoreapp2.0)) (&& (== net7.0) (< netstandard1.1)) (&& (== net7.0) (< netstandard2.0)) (&& (== net7.0) (>= xamarinios)) (&& (== net7.0) (>= xamarinmac)) (&& (== net7.0) (>= xamarintvos)) (&& (== net7.0) (>= xamarinwatchos)) (== netstandard2.1)
      System.Numerics.Vectors (>= 4.4) - restriction: || (&& (== net6.0) (< netcoreapp2.0)) (&& (== net7.0) (< netcoreapp2.0)) (== netstandard2.1)
      System.Runtime.CompilerServices.Unsafe (>= 4.5.3) - restriction: || (&& (== net6.0) (>= monotouch)) (&& (== net6.0) (>= net461)) (&& (== net6.0) (< netcoreapp2.0)) (&& (== net6.0) (< netcoreapp2.1)) (&& (== net6.0) (< netstandard1.1)) (&& (== net6.0) (< netstandard2.0)) (&& (== net6.0) (>= uap10.1)) (&& (== net6.0) (>= xamarinios)) (&& (== net6.0) (>= xamarinmac)) (&& (== net6.0) (>= xamarintvos)) (&& (== net6.0) (>= xamarinwatchos)) (&& (== net7.0) (>= monotouch)) (&& (== net7.0) (>= net461)) (&& (== net7.0) (< netcoreapp2.0)) (&& (== net7.0) (< netcoreapp2.1)) (&& (== net7.0) (< netstandard1.1)) (&& (== net7.0) (< netstandard2.0)) (&& (== net7.0) (>= uap10.1)) (&& (== net7.0) (>= xamarinios)) (&& (== net7.0) (>= xamarinmac)) (&& (== net7.0) (>= xamarintvos)) (&& (== net7.0) (>= xamarinwatchos)) (== netstandard2.1)
    System.Numerics.Vectors (4.5) - restriction: || (&& (== net6.0) (< netcoreapp2.0)) (&& (== net7.0) (< netcoreapp2.0)) (== netstandard2.1)
    System.Reflection.Emit (4.7)
    System.Reflection.Metadata (6.0.1)
      System.Collections.Immutable (>= 6.0)
    System.Reflection.MetadataLoadContext (6.0) - copy_local: false, restriction: || (&& (== net6.0) (>= net472)) (&& (== net6.0) (>= net7.0)) (== net7.0) (&& (== netstandard2.1) (>= net472)) (&& (== netstandard2.1) (>= net7.0))
      System.Collections.Immutable (>= 6.0)
      System.Reflection.Metadata (>= 6.0)
    System.Resources.Extensions (6.0) - copy_local: false
      System.Memory (>= 4.5.4) - restriction: || (&& (== net6.0) (>= net461)) (&& (== net7.0) (>= net461)) (&& (== net7.0) (< net6.0)) (== netstandard2.1)
    System.Runtime.CompilerServices.Unsafe (6.0)
    System.Security.AccessControl (6.0) - copy_local: false
      System.Security.Principal.Windows (>= 5.0) - restriction: || (&& (== net6.0) (>= net461)) (&& (== net7.0) (>= net461)) (&& (== net7.0) (< net6.0)) (== netstandard2.1)
    System.Security.Cryptography.Cng (5.0) - copy_local: false, restriction: || (&& (== net6.0) (< netcoreapp3.1)) (&& (== net6.0) (< netstandard2.1)) (&& (== net7.0) (< net6.0)) (&& (== net7.0) (< netcoreapp3.1)) (&& (== net7.0) (< netstandard2.1)) (== netstandard2.1)
    System.Security.Cryptography.Pkcs (6.0.1) - copy_local: false
      System.Formats.Asn1 (>= 6.0)
      System.Security.Cryptography.Cng (>= 5.0) - restriction: || (&& (== net6.0) (< netcoreapp3.1)) (&& (== net6.0) (< netstandard2.1)) (&& (== net7.0) (< net6.0)) (&& (== net7.0) (< netcoreapp3.1)) (&& (== net7.0) (< netstandard2.1)) (== netstandard2.1)
    System.Security.Cryptography.ProtectedData (6.0) - copy_local: false, restriction: || (&& (== net6.0) (>= net472)) (&& (== net6.0) (>= net7.0)) (== net7.0) (&& (== netstandard2.1) (>= net472)) (&& (== netstandard2.1) (>= net7.0))
    System.Security.Cryptography.Xml (6.0.1) - copy_local: false
      System.Memory (>= 4.5.4) - restriction: || (&& (== net7.0) (< net6.0)) (== netstandard2.1)
      System.Security.AccessControl (>= 6.0)
      System.Security.Cryptography.Pkcs (>= 6.0.1)
    System.Security.Permissions (6.0) - copy_local: false
      System.Security.AccessControl (>= 6.0)
      System.Windows.Extensions (>= 6.0) - restriction: || (== net6.0) (== net7.0) (&& (== netstandard2.1) (>= netcoreapp3.1))
    System.Security.Principal.Windows (5.0) - copy_local: false
    System.Text.Encoding.CodePages (6.0) - copy_local: false
      System.Runtime.CompilerServices.Unsafe (>= 6.0)
    System.Text.Encodings.Web (6.0) - copy_local: false, restriction: || (&& (== net6.0) (>= net472)) (&& (== net6.0) (>= net7.0)) (== net7.0) (&& (== netstandard2.1) (>= net472)) (&& (== netstandard2.1) (>= net7.0))
      System.Runtime.CompilerServices.Unsafe (>= 6.0)
    System.Text.Json (6.0.5) - copy_local: false, restriction: || (&& (== net6.0) (>= net472)) (&& (== net6.0) (>= net7.0)) (== net7.0) (&& (== netstandard2.1) (>= net472)) (&& (== netstandard2.1) (>= net7.0))
      System.Runtime.CompilerServices.Unsafe (>= 6.0)
      System.Text.Encodings.Web (>= 6.0)
    System.Threading.Tasks.Dataflow (6.0) - copy_local: false
    System.Threading.Tasks.Extensions (4.5.4)
      System.Runtime.CompilerServices.Unsafe (>= 4.5.3) - restriction: || (&& (== net6.0) (>= net461)) (&& (== net6.0) (< netcoreapp2.1)) (&& (== net6.0) (< netstandard1.0)) (&& (== net6.0) (< netstandard2.0)) (&& (== net6.0) (>= wp8)) (&& (== net7.0) (>= net461)) (&& (== net7.0) (< netcoreapp2.1)) (&& (== net7.0) (< netstandard1.0)) (&& (== net7.0) (< netstandard2.0)) (&& (== net7.0) (>= wp8)) (== netstandard2.1)
    System.Windows.Extensions (6.0) - copy_local: false, restriction: || (== net6.0) (== net7.0) (&& (== netstandard2.1) (>= netcoreapp3.1))
      System.Drawing.Common (>= 6.0) - restriction: || (== net6.0) (== net7.0) (&& (== netstandard2.1) (>= netcoreapp3.1))
